GEM
  remote: https://rubygems.org/
  specs:
    actioncable (7.2.2.1)
      actionpack (= 7.2.2.1)
      activesupport (= 7.2.2.1)
      nio4r (~> 2.0)
      websocket-driver (>= 0.6.1)
      zeitwerk (~> 2.6)
    actionmailbox (7.2.2.1)
      actionpack (= 7.2.2.1)
      activejob (= 7.2.2.1)
      activerecord (= 7.2.2.1)
      activestorage (= 7.2.2.1)
      activesupport (= 7.2.2.1)
      mail (>= 2.8.0)
    actionmailer (7.2.2.1)
      actionpack (= 7.2.2.1)
      actionview (= 7.2.2.1)
      activejob (= 7.2.2.1)
      activesupport (= 7.2.2.1)
      mail (>= 2.8.0)
      rails-dom-testing (~> 2.2)
    actionpack (7.2.2.1)
      actionview (= 7.2.2.1)
      activesupport (= 7.2.2.1)
      nokogiri (>= 1.8.5)
      racc
      rack (>= 2.2.4, < 3.2)
      rack-session (>= 1.0.1)
      rack-test (>= 0.6.3)
      rails-dom-testing (~> 2.2)
      rails-html-sanitizer (~> 1.6)
      useragent (~> 0.16)
    actiontext (7.2.2.1)
      actionpack (= 7.2.2.1)
      activerecord (= 7.2.2.1)
      activestorage (= 7.2.2.1)
      activesupport (= 7.2.2.1)
      globalid (>= 0.6.0)
      nokogiri (>= 1.8.5)
    actionview (7.2.2.1)
      activesupport (= 7.2.2.1)
      builder (~> 3.1)
      erubi (~> 1.11)
      rails-dom-testing (~> 2.2)
      rails-html-sanitizer (~> 1.6)
    activejob (7.2.2.1)
      activesupport (= 7.2.2.1)
      globalid (>= 0.3.6)
    activemodel (7.2.2.1)
      activesupport (= 7.2.2.1)
    activerecord (7.2.2.1)
      activemodel (= 7.2.2.1)
      activesupport (= 7.2.2.1)
      timeout (>= 0.4.0)
    activestorage (7.2.2.1)
      actionpack (= 7.2.2.1)
      activejob (= 7.2.2.1)
      activerecord (= 7.2.2.1)
      activesupport (= 7.2.2.1)
      marcel (~> 1.0)
    activesupport (7.2.2.1)
      base64
      benchmark (>= 0.3)
      bigdecimal
      concurrent-ruby (~> 1.0, >= 1.3.1)
      connection_pool (>= 2.2.5)
      drb
      i18n (>= 1.6, < 2)
      logger (>= 1.4.2)
      minitest (>= 5.1)
      securerandom (>= 0.3)
      tzinfo (~> 2.0, >= 2.0.5)
    ast (2.4.2)
    aws-eventstream (1.3.2)
    aws-partitions (1.1074.0)
    aws-sdk (3.2.0)
      aws-sdk-resources (~> 3)
    aws-sdk-accessanalyzer (1.68.0)
      aws-sdk-core (~> 3, >= 3.216.0)
      aws-sigv4 (~> 1.5)
    aws-sdk-account (1.39.0)
      aws-sdk-core (~> 3, >= 3.216.0)
      aws-sigv4 (~> 1.5)
    aws-sdk-acm (1.84.0)
      aws-sdk-core (~> 3, >= 3.216.0)
      aws-sigv4 (~> 1.5)
    aws-sdk-acmpca (1.91.0)
      aws-sdk-core (~> 3, >= 3.216.0)
      aws-sigv4 (~> 1.5)
    aws-sdk-amplify (1.82.0)
      aws-sdk-core (~> 3, >= 3.216.0)
      aws-sigv4 (~> 1.5)
    aws-sdk-amplifybackend (1.46.0)
      aws-sdk-core (~> 3, >= 3.216.0)
      aws-sigv4 (~> 1.1)
    aws-sdk-amplifyuibuilder (1.40.0)
      aws-sdk-core (~> 3, >= 3.216.0)
      aws-sigv4 (~> 1.1)
    aws-sdk-apigateway (1.113.0)
      aws-sdk-core (~> 3, >= 3.216.0)
      aws-sigv4 (~> 1.5)
    aws-sdk-apigatewaymanagementapi (1.58.0)
      aws-sdk-core (~> 3, >= 3.216.0)
      aws-sigv4 (~> 1.1)
    aws-sdk-apigatewayv2 (1.72.0)
      aws-sdk-core (~> 3, >= 3.216.0)
      aws-sigv4 (~> 1.5)
    aws-sdk-appconfig (1.64.0)
      aws-sdk-core (~> 3, >= 3.216.0)
      aws-sigv4 (~> 1.5)
    aws-sdk-appconfigdata (1.35.0)
      aws-sdk-core (~> 3, >= 3.216.0)
      aws-sigv4 (~> 1.1)
    aws-sdk-appfabric (1.24.0)
      aws-sdk-core (~> 3, >= 3.216.0)
      aws-sigv4 (~> 1.1)
    aws-sdk-appflow (1.73.0)
      aws-sdk-core (~> 3, >= 3.216.0)
      aws-sigv4 (~> 1.5)
    aws-sdk-appintegrationsservice (1.48.0)
      aws-sdk-core (~> 3, >= 3.216.0)
      aws-sigv4 (~> 1.5)
    aws-sdk-applicationautoscaling (1.102.0)
      aws-sdk-core (~> 3, >= 3.216.0)
      aws-sigv4 (~> 1.5)
    aws-sdk-applicationcostprofiler (1.38.0)
      aws-sdk-core (~> 3, >= 3.216.0)
      aws-sigv4 (~> 1.5)
    aws-sdk-applicationdiscoveryservice (1.84.0)
      aws-sdk-core (~> 3, >= 3.216.0)
      aws-sigv4 (~> 1.5)
    aws-sdk-applicationinsights (1.62.0)
      aws-sdk-core (~> 3, >= 3.216.0)
      aws-sigv4 (~> 1.5)
    aws-sdk-applicationsignals (1.18.0)
      aws-sdk-core (~> 3, >= 3.216.0)
      aws-sigv4 (~> 1.5)
    aws-sdk-appmesh (1.76.0)
      aws-sdk-core (~> 3, >= 3.216.0)
      aws-sigv4 (~> 1.1)
    aws-sdk-appregistry (1.49.0)
      aws-sdk-core (~> 3, >= 3.216.0)
      aws-sigv4 (~> 1.5)
    aws-sdk-apprunner (1.54.0)
      aws-sdk-core (~> 3, >= 3.216.0)
      aws-sigv4 (~> 1.5)
    aws-sdk-appstream (1.108.0)
      aws-sdk-core (~> 3, >= 3.216.0)
      aws-sigv4 (~> 1.5)
    aws-sdk-appsync (1.102.0)
      aws-sdk-core (~> 3, >= 3.216.0)
      aws-sigv4 (~> 1.5)
    aws-sdk-apptest (1.13.0)
      aws-sdk-core (~> 3, >= 3.216.0)
      aws-sigv4 (~> 1.5)
    aws-sdk-arczonalshift (1.29.0)
      aws-sdk-core (~> 3, >= 3.216.0)
      aws-sigv4 (~> 1.5)
    aws-sdk-artifact (1.19.0)
      aws-sdk-core (~> 3, >= 3.216.0)
      aws-sigv4 (~> 1.5)
    aws-sdk-athena (1.101.0)
      aws-sdk-core (~> 3, >= 3.216.0)
      aws-sigv4 (~> 1.5)
    aws-sdk-auditmanager (1.62.0)
      aws-sdk-core (~> 3, >= 3.216.0)
      aws-sigv4 (~> 1.5)
    aws-sdk-augmentedairuntime (1.52.0)
      aws-sdk-core (~> 3, >= 3.216.0)
      aws-sigv4 (~> 1.5)
    aws-sdk-autoscaling (1.132.0)
      aws-sdk-core (~> 3, >= 3.216.0)
      aws-sigv4 (~> 1.5)
    aws-sdk-autoscalingplans (1.69.0)
      aws-sdk-core (~> 3, >= 3.216.0)
      aws-sigv4 (~> 1.5)
    aws-sdk-b2bi (1.28.0)
      aws-sdk-core (~> 3, >= 3.216.0)
      aws-sigv4 (~> 1.5)
    aws-sdk-backup (1.86.0)
      aws-sdk-core (~> 3, >= 3.216.0)
      aws-sigv4 (~> 1.5)
    aws-sdk-backupgateway (1.34.0)
      aws-sdk-core (~> 3, >= 3.216.0)
      aws-sigv4 (~> 1.1)
    aws-sdk-backupsearch (1.3.0)
      aws-sdk-core (~> 3, >= 3.216.0)
      aws-sigv4 (~> 1.5)
    aws-sdk-batch (1.111.0)
      aws-sdk-core (~> 3, >= 3.216.0)
      aws-sigv4 (~> 1.5)
    aws-sdk-bcmdataexports (1.18.0)
      aws-sdk-core (~> 3, >= 3.216.0)
      aws-sigv4 (~> 1.1)
    aws-sdk-bcmpricingcalculator (1.6.0)
      aws-sdk-core (~> 3, >= 3.216.0)
      aws-sigv4 (~> 1.5)
    aws-sdk-bedrock (1.40.0)
      aws-sdk-core (~> 3, >= 3.216.0)
      aws-sigv4 (~> 1.5)
    aws-sdk-bedrockagent (1.52.0)
      aws-sdk-core (~> 3, >= 3.216.0)
      aws-sigv4 (~> 1.5)
    aws-sdk-bedrockagentruntime (1.49.0)
      aws-sdk-core (~> 3, >= 3.216.0)
      aws-sigv4 (~> 1.5)
    aws-sdk-bedrockdataautomation (1.5.0)
      aws-sdk-core (~> 3, >= 3.216.0)
      aws-sigv4 (~> 1.5)
    aws-sdk-bedrockdataautomationruntime (1.5.0)
      aws-sdk-core (~> 3, >= 3.216.0)
      aws-sigv4 (~> 1.5)
    aws-sdk-bedrockruntime (1.40.0)
      aws-sdk-core (~> 3, >= 3.216.0)
      aws-sigv4 (~> 1.5)
    aws-sdk-billing (1.4.0)
      aws-sdk-core (~> 3, >= 3.216.0)
      aws-sigv4 (~> 1.5)
    aws-sdk-billingconductor (1.37.0)
      aws-sdk-core (~> 3, >= 3.216.0)
      aws-sigv4 (~> 1.1)
    aws-sdk-braket (1.50.0)
      aws-sdk-core (~> 3, >= 3.216.0)
      aws-sigv4 (~> 1.1)
    aws-sdk-budgets (1.82.0)
      aws-sdk-core (~> 3, >= 3.216.0)
      aws-sigv4 (~> 1.5)
    aws-sdk-chatbot (1.22.0)
      aws-sdk-core (~> 3, >= 3.216.0)
      aws-sigv4 (~> 1.5)
    aws-sdk-chime (1.100.0)
      aws-sdk-core (~> 3, >= 3.216.0)
      aws-sigv4 (~> 1.5)
    aws-sdk-chimesdkidentity (1.40.0)
      aws-sdk-core (~> 3, >= 3.216.0)
      aws-sigv4 (~> 1.5)
    aws-sdk-chimesdkmediapipelines (1.37.0)
      aws-sdk-core (~> 3, >= 3.216.0)
      aws-sigv4 (~> 1.5)
    aws-sdk-chimesdkmeetings (1.47.0)
      aws-sdk-core (~> 3, >= 3.216.0)
      aws-sigv4 (~> 1.5)
    aws-sdk-chimesdkmessaging (1.46.0)
      aws-sdk-core (~> 3, >= 3.216.0)
      aws-sigv4 (~> 1.5)
    aws-sdk-chimesdkvoice (1.37.0)
      aws-sdk-core (~> 3, >= 3.216.0)
      aws-sigv4 (~> 1.5)
    aws-sdk-cleanrooms (1.41.0)
      aws-sdk-core (~> 3, >= 3.216.0)
      aws-sigv4 (~> 1.5)
    aws-sdk-cleanroomsml (1.23.0)
      aws-sdk-core (~> 3, >= 3.216.0)
      aws-sigv4 (~> 1.5)
    aws-sdk-cloud9 (1.85.0)
      aws-sdk-core (~> 3, >= 3.216.0)
      aws-sigv4 (~> 1.5)
    aws-sdk-cloudcontrolapi (1.37.0)
      aws-sdk-core (~> 3, >= 3.216.0)
      aws-sigv4 (~> 1.5)
    aws-sdk-clouddirectory (1.72.0)
      aws-sdk-core (~> 3, >= 3.216.0)
      aws-sigv4 (~> 1.5)
    aws-sdk-cloudformation (1.128.0)
      aws-sdk-core (~> 3, >= 3.216.0)
      aws-sigv4 (~> 1.5)
    aws-sdk-cloudfront (1.114.0)
      aws-sdk-core (~> 3, >= 3.216.0)
      aws-sigv4 (~> 1.5)
    aws-sdk-cloudfrontkeyvaluestore (1.20.0)
      aws-sdk-core (~> 3, >= 3.216.0)
      aws-sigv4 (~> 1.1)
    aws-sdk-cloudhsm (1.68.0)
      aws-sdk-core (~> 3, >= 3.216.0)
      aws-sigv4 (~> 1.5)
    aws-sdk-cloudhsmv2 (1.74.0)
      aws-sdk-core (~> 3, >= 3.216.0)
      aws-sigv4 (~> 1.5)
    aws-sdk-cloudsearch (1.72.0)
      aws-sdk-core (~> 3, >= 3.216.0)
      aws-sigv4 (~> 1.5)
    aws-sdk-cloudsearchdomain (1.57.0)
      aws-sdk-core (~> 3, >= 3.216.0)
      aws-sigv4 (~> 1.5)
    aws-sdk-cloudtrail (1.102.0)
      aws-sdk-core (~> 3, >= 3.216.0)
      aws-sigv4 (~> 1.5)
    aws-sdk-cloudtraildata (1.26.0)
      aws-sdk-core (~> 3, >= 3.216.0)
      aws-sigv4 (~> 1.1)
    aws-sdk-cloudwatch (1.112.0)
      aws-sdk-core (~> 3, >= 3.216.0)
      aws-sigv4 (~> 1.5)
    aws-sdk-cloudwatchevents (1.88.0)
      aws-sdk-core (~> 3, >= 3.216.0)
      aws-sigv4 (~> 1.5)
    aws-sdk-cloudwatchevidently (1.38.0)
      aws-sdk-core (~> 3, >= 3.216.0)
      aws-sigv4 (~> 1.1)
    aws-sdk-cloudwatchlogs (1.110.0)
      aws-sdk-core (~> 3, >= 3.216.0)
      aws-sigv4 (~> 1.5)
    aws-sdk-cloudwatchrum (1.39.0)
      aws-sdk-core (~> 3, >= 3.216.0)
      aws-sigv4 (~> 1.5)
    aws-sdk-codeartifact (1.59.0)
      aws-sdk-core (~> 3, >= 3.216.0)
      aws-sigv4 (~> 1.5)
    aws-sdk-codebuild (1.148.0)
      aws-sdk-core (~> 3, >= 3.216.0)
      aws-sigv4 (~> 1.5)
    aws-sdk-codecatalyst (1.33.0)
      aws-sdk-core (~> 3, >= 3.216.0)
    aws-sdk-codecommit (1.83.0)
      aws-sdk-core (~> 3, >= 3.216.0)
      aws-sigv4 (~> 1.5)
    aws-sdk-codeconnections (1.18.0)
      aws-sdk-core (~> 3, >= 3.216.0)
      aws-sigv4 (~> 1.5)
    aws-sdk-codedeploy (1.82.0)
      aws-sdk-core (~> 3, >= 3.216.0)
      aws-sigv4 (~> 1.5)
    aws-sdk-codeguruprofiler (1.52.0)
      aws-sdk-core (~> 3, >= 3.216.0)
      aws-sigv4 (~> 1.1)
    aws-sdk-codegurureviewer (1.63.0)
      aws-sdk-core (~> 3, >= 3.216.0)
      aws-sigv4 (~> 1.5)
    aws-sdk-codegurusecurity (1.27.0)
      aws-sdk-core (~> 3, >= 3.216.0)
      aws-sigv4 (~> 1.1)
    aws-sdk-codepipeline (1.96.0)
      aws-sdk-core (~> 3, >= 3.216.0)
      aws-sigv4 (~> 1.5)
    aws-sdk-codestarconnections (1.58.0)
      aws-sdk-core (~> 3, >= 3.216.0)
      aws-sigv4 (~> 1.5)
    aws-sdk-codestarnotifications (1.49.0)
      aws-sdk-core (~> 3, >= 3.216.0)
      aws-sigv4 (~> 1.5)
    aws-sdk-cognitoidentity (1.71.0)
      aws-sdk-core (~> 3, >= 3.216.0)
      aws-sigv4 (~> 1.5)
    aws-sdk-cognitoidentityprovider (1.118.0)
      aws-sdk-core (~> 3, >= 3.216.0)
      aws-sigv4 (~> 1.5)
    aws-sdk-cognitosync (1.65.0)
      aws-sdk-core (~> 3, >= 3.216.0)
      aws-sigv4 (~> 1.5)
    aws-sdk-comprehend (1.98.0)
      aws-sdk-core (~> 3, >= 3.216.0)
      aws-sigv4 (~> 1.5)
    aws-sdk-comprehendmedical (1.67.0)
      aws-sdk-core (~> 3, >= 3.216.0)
      aws-sigv4 (~> 1.5)
    aws-sdk-computeoptimizer (1.75.0)
      aws-sdk-core (~> 3, >= 3.216.0)
      aws-sigv4 (~> 1.5)
    aws-sdk-configservice (1.126.0)
      aws-sdk-core (~> 3, >= 3.216.0)
      aws-sigv4 (~> 1.5)
    aws-sdk-connect (1.199.0)
      aws-sdk-core (~> 3, >= 3.216.0)
      aws-sigv4 (~> 1.5)
    aws-sdk-connectcampaignservice (1.31.0)
      aws-sdk-core (~> 3, >= 3.216.0)
      aws-sigv4 (~> 1.1)
    aws-sdk-connectcampaignsv2 (1.4.0)
      aws-sdk-core (~> 3, >= 3.216.0)
      aws-sigv4 (~> 1.5)
    aws-sdk-connectcases (1.39.0)
      aws-sdk-core (~> 3, >= 3.216.0)
      aws-sigv4 (~> 1.1)
    aws-sdk-connectcontactlens (1.41.0)
      aws-sdk-core (~> 3, >= 3.216.0)
      aws-sigv4 (~> 1.5)
    aws-sdk-connectparticipant (1.61.0)
      aws-sdk-core (~> 3, >= 3.216.0)
      aws-sigv4 (~> 1.5)
    aws-sdk-connectwisdomservice (1.45.0)
      aws-sdk-core (~> 3, >= 3.216.0)
      aws-sigv4 (~> 1.1)
    aws-sdk-controlcatalog (1.21.0)
      aws-sdk-core (~> 3, >= 3.216.0)
      aws-sigv4 (~> 1.5)
    aws-sdk-controltower (1.39.0)
      aws-sdk-core (~> 3, >= 3.216.0)
      aws-sigv4 (~> 1.5)
    aws-sdk-core (3.221.0)
      aws-eventstream (~> 1, >= 1.3.0)
      aws-partitions (~> 1, >= 1.992.0)
      aws-sigv4 (~> 1.9)
      base64
      jmespath (~> 1, >= 1.6.1)
      logger
    aws-sdk-costandusagereportservice (1.71.0)
      aws-sdk-core (~> 3, >= 3.216.0)
      aws-sigv4 (~> 1.5)
    aws-sdk-costexplorer (1.122.0)
      aws-sdk-core (~> 3, >= 3.216.0)
      aws-sigv4 (~> 1.5)
    aws-sdk-costoptimizationhub (1.22.0)
      aws-sdk-core (~> 3, >= 3.216.0)
      aws-sigv4 (~> 1.5)
    aws-sdk-customerprofiles (1.61.0)
      aws-sdk-core (~> 3, >= 3.216.0)
      aws-sigv4 (~> 1.5)
    aws-sdk-databasemigrationservice (1.119.0)
      aws-sdk-core (~> 3, >= 3.216.0)
      aws-sigv4 (~> 1.5)
    aws-sdk-dataexchange (1.64.0)
      aws-sdk-core (~> 3, >= 3.216.0)
      aws-sigv4 (~> 1.5)
    aws-sdk-datapipeline (1.65.0)
      aws-sdk-core (~> 3, >= 3.216.0)
      aws-sigv4 (~> 1.5)
    aws-sdk-datasync (1.100.0)
      aws-sdk-core (~> 3, >= 3.216.0)
      aws-sigv4 (~> 1.5)
    aws-sdk-datazone (1.34.0)
      aws-sdk-core (~> 3, >= 3.216.0)
      aws-sigv4 (~> 1.1)
    aws-sdk-dax (1.68.0)
      aws-sdk-core (~> 3, >= 3.216.0)
      aws-sigv4 (~> 1.5)
    aws-sdk-deadline (1.21.0)
      aws-sdk-core (~> 3, >= 3.216.0)
      aws-sigv4 (~> 1.5)
    aws-sdk-detective (1.64.0)
      aws-sdk-core (~> 3, >= 3.216.0)
      aws-sigv4 (~> 1.5)
    aws-sdk-devicefarm (1.85.0)
      aws-sdk-core (~> 3, >= 3.216.0)
      aws-sigv4 (~> 1.5)
    aws-sdk-devopsguru (1.57.0)
      aws-sdk-core (~> 3, >= 3.216.0)
      aws-sigv4 (~> 1.5)
    aws-sdk-directconnect (1.88.0)
      aws-sdk-core (~> 3, >= 3.216.0)
      aws-sigv4 (~> 1.5)
    aws-sdk-directoryservice (1.82.0)
      aws-sdk-core (~> 3, >= 3.216.0)
      aws-sigv4 (~> 1.5)
    aws-sdk-directoryservicedata (1.7.0)
      aws-sdk-core (~> 3, >= 3.216.0)
      aws-sigv4 (~> 1.1)
    aws-sdk-dlm (1.86.0)
      aws-sdk-core (~> 3, >= 3.216.0)
      aws-sigv4 (~> 1.5)
    aws-sdk-docdb (1.84.0)
      aws-sdk-core (~> 3, >= 3.216.0)
      aws-sigv4 (~> 1.5)
    aws-sdk-docdbelastic (1.29.0)
      aws-sdk-core (~> 3, >= 3.216.0)
      aws-sigv4 (~> 1.5)
    aws-sdk-drs (1.46.0)
      aws-sdk-core (~> 3, >= 3.216.0)
      aws-sigv4 (~> 1.1)
    aws-sdk-dsql (1.4.0)
      aws-sdk-core (~> 3, >= 3.216.0)
      aws-sigv4 (~> 1.5)
    aws-sdk-dynamodb (1.138.0)
      aws-sdk-core (~> 3, >= 3.216.0)
      aws-sigv4 (~> 1.5)
    aws-sdk-dynamodbstreams (1.73.0)
      aws-sdk-core (~> 3, >= 3.216.0)
      aws-sigv4 (~> 1.5)
    aws-sdk-ebs (1.56.0)
      aws-sdk-core (~> 3, >= 3.216.0)
      aws-sigv4 (~> 1.5)
    aws-sdk-ec2 (1.513.0)
      aws-sdk-core (~> 3, >= 3.216.0)
      aws-sigv4 (~> 1.5)
    aws-sdk-ec2instanceconnect (1.55.0)
      aws-sdk-core (~> 3, >= 3.216.0)
      aws-sigv4 (~> 1.5)
    aws-sdk-ecr (1.98.0)
      aws-sdk-core (~> 3, >= 3.216.0)
      aws-sigv4 (~> 1.5)
    aws-sdk-ecrpublic (1.47.0)
      aws-sdk-core (~> 3, >= 3.216.0)
      aws-sigv4 (~> 1.5)
    aws-sdk-ecs (1.181.0)
      aws-sdk-core (~> 3, >= 3.216.0)
      aws-sigv4 (~> 1.5)
    aws-sdk-efs (1.92.0)
      aws-sdk-core (~> 3, >= 3.216.0)
      aws-sigv4 (~> 1.5)
    aws-sdk-eks (1.132.0)
      aws-sdk-core (~> 3, >= 3.216.0)
      aws-sigv4 (~> 1.5)
    aws-sdk-eksauth (1.18.0)
      aws-sdk-core (~> 3, >= 3.216.0)
      aws-sigv4 (~> 1.1)
    aws-sdk-elasticache (1.124.0)
      aws-sdk-core (~> 3, >= 3.216.0)
      aws-sigv4 (~> 1.5)
    aws-sdk-elasticbeanstalk (1.85.0)
      aws-sdk-core (~> 3, >= 3.216.0)
      aws-sigv4 (~> 1.5)
    aws-sdk-elasticloadbalancing (1.72.0)
      aws-sdk-core (~> 3, >= 3.216.0)
      aws-sigv4 (~> 1.5)
    aws-sdk-elasticloadbalancingv2 (1.130.0)
      aws-sdk-core (~> 3, >= 3.216.0)
      aws-sigv4 (~> 1.5)
    aws-sdk-elasticsearchservice (1.100.0)
      aws-sdk-core (~> 3, >= 3.216.0)
      aws-sigv4 (~> 1.5)
    aws-sdk-elastictranscoder (1.69.0)
      aws-sdk-core (~> 3, >= 3.216.0)
      aws-sigv4 (~> 1.5)
    aws-sdk-emr (1.107.0)
      aws-sdk-core (~> 3, >= 3.216.0)
      aws-sigv4 (~> 1.5)
    aws-sdk-emrcontainers (1.52.0)
      aws-sdk-core (~> 3, >= 3.216.0)
      aws-sigv4 (~> 1.5)
    aws-sdk-emrserverless (1.42.0)
      aws-sdk-core (~> 3, >= 3.216.0)
      aws-sigv4 (~> 1.5)
    aws-sdk-entityresolution (1.26.0)
      aws-sdk-core (~> 3, >= 3.216.0)
      aws-sigv4 (~> 1.5)
    aws-sdk-eventbridge (1.77.0)
      aws-sdk-core (~> 3, >= 3.216.0)
      aws-sigv4 (~> 1.5)
    aws-sdk-finspace (1.51.0)
      aws-sdk-core (~> 3, >= 3.216.0)
      aws-sigv4 (~> 1.5)
    aws-sdk-finspacedata (1.49.0)
      aws-sdk-core (~> 3, >= 3.216.0)
      aws-sigv4 (~> 1.5)
    aws-sdk-firehose (1.89.0)
      aws-sdk-core (~> 3, >= 3.216.0)
      aws-sigv4 (~> 1.5)
    aws-sdk-fis (1.48.0)
      aws-sdk-core (~> 3, >= 3.216.0)
      aws-sigv4 (~> 1.5)
    aws-sdk-fms (1.90.0)
      aws-sdk-core (~> 3, >= 3.216.0)
      aws-sigv4 (~> 1.5)
    aws-sdk-forecastqueryservice (1.52.0)
      aws-sdk-core (~> 3, >= 3.216.0)
      aws-sigv4 (~> 1.5)
    aws-sdk-forecastservice (1.69.0)
      aws-sdk-core (~> 3, >= 3.216.0)
      aws-sigv4 (~> 1.5)
    aws-sdk-frauddetector (1.68.0)
      aws-sdk-core (~> 3, >= 3.216.0)
      aws-sigv4 (~> 1.5)
    aws-sdk-freetier (1.19.0)
      aws-sdk-core (~> 3, >= 3.216.0)
      aws-sigv4 (~> 1.1)
    aws-sdk-fsx (1.110.0)
      aws-sdk-core (~> 3, >= 3.216.0)
      aws-sigv4 (~> 1.5)
    aws-sdk-gamelift (1.101.0)
      aws-sdk-core (~> 3, >= 3.216.0)
      aws-sigv4 (~> 1.5)
    aws-sdk-gameliftstreams (1.1.0)
      aws-sdk-core (~> 3, >= 3.216.0)
      aws-sigv4 (~> 1.5)
    aws-sdk-geomaps (1.5.0)
      aws-sdk-core (~> 3, >= 3.216.0)
      aws-sigv4 (~> 1.5)
    aws-sdk-geoplaces (1.4.0)
      aws-sdk-core (~> 3, >= 3.216.0)
      aws-sigv4 (~> 1.5)
    aws-sdk-georoutes (1.5.0)
      aws-sdk-core (~> 3, >= 3.216.0)
      aws-sigv4 (~> 1.5)
    aws-sdk-glacier (1.76.0)
      aws-sdk-core (~> 3, >= 3.216.0)
      aws-sigv4 (~> 1.5)
    aws-sdk-globalaccelerator (1.76.0)
      aws-sdk-core (~> 3, >= 3.216.0)
      aws-sigv4 (~> 1.5)
    aws-sdk-glue (1.211.0)
      aws-sdk-core (~> 3, >= 3.216.0)
      aws-sigv4 (~> 1.5)
    aws-sdk-gluedatabrew (1.52.0)
      aws-sdk-core (~> 3, >= 3.216.0)
      aws-sigv4 (~> 1.5)
    aws-sdk-greengrass (1.79.0)
      aws-sdk-core (~> 3, >= 3.216.0)
      aws-sigv4 (~> 1.1)
    aws-sdk-greengrassv2 (1.54.0)
      aws-sdk-core (~> 3, >= 3.216.0)
      aws-sigv4 (~> 1.5)
    aws-sdk-groundstation (1.63.0)
      aws-sdk-core (~> 3, >= 3.216.0)
      aws-sigv4 (~> 1.5)
    aws-sdk-guardduty (1.113.0)
      aws-sdk-core (~> 3, >= 3.216.0)
      aws-sigv4 (~> 1.5)
    aws-sdk-health (1.78.0)
      aws-sdk-core (~> 3, >= 3.216.0)
      aws-sigv4 (~> 1.5)
    aws-sdk-healthlake (1.45.0)
      aws-sdk-core (~> 3, >= 3.216.0)
      aws-sigv4 (~> 1.5)
    aws-sdk-iam (1.119.0)
      aws-sdk-core (~> 3, >= 3.216.0)
      aws-sigv4 (~> 1.5)
    aws-sdk-identitystore (1.50.0)
      aws-sdk-core (~> 3, >= 3.216.0)
      aws-sigv4 (~> 1.1)
    aws-sdk-imagebuilder (1.78.0)
      aws-sdk-core (~> 3, >= 3.216.0)
      aws-sigv4 (~> 1.5)
    aws-sdk-importexport (1.59.0)
      aws-sdk-core (~> 3, >= 3.216.0)
      aws-sigv2 (~> 1.0)
    aws-sdk-inspector (1.73.0)
      aws-sdk-core (~> 3, >= 3.216.0)
      aws-sigv4 (~> 1.5)
    aws-sdk-inspector2 (1.49.0)
      aws-sdk-core (~> 3, >= 3.216.0)
      aws-sigv4 (~> 1.5)
    aws-sdk-inspectorscan (1.19.0)
      aws-sdk-core (~> 3, >= 3.216.0)
      aws-sigv4 (~> 1.1)
    aws-sdk-internetmonitor (1.35.0)
      aws-sdk-core (~> 3, >= 3.216.0)
      aws-sigv4 (~> 1.5)
    aws-sdk-invoicing (1.3.0)
      aws-sdk-core (~> 3, >= 3.216.0)
      aws-sigv4 (~> 1.5)
    aws-sdk-iot (1.146.0)
      aws-sdk-core (~> 3, >= 3.216.0)
      aws-sigv4 (~> 1.5)
    aws-sdk-iotanalytics (1.79.0)
      aws-sdk-core (~> 3, >= 3.216.0)
      aws-sigv4 (~> 1.5)
    aws-sdk-iotdataplane (1.73.0)
      aws-sdk-core (~> 3, >= 3.216.0)
      aws-sigv4 (~> 1.5)
    aws-sdk-iotdeviceadvisor (1.47.0)
      aws-sdk-core (~> 3, >= 3.216.0)
      aws-sigv4 (~> 1.5)
    aws-sdk-iotevents (1.64.0)
      aws-sdk-core (~> 3, >= 3.216.0)
      aws-sigv4 (~> 1.5)
    aws-sdk-ioteventsdata (1.57.0)
      aws-sdk-core (~> 3, >= 3.216.0)
      aws-sigv4 (~> 1.5)
    aws-sdk-iotfleethub (1.41.0)
      aws-sdk-core (~> 3, >= 3.216.0)
      aws-sigv4 (~> 1.5)
    aws-sdk-iotfleetwise (1.43.0)
      aws-sdk-core (~> 3, >= 3.216.0)
      aws-sigv4 (~> 1.5)
    aws-sdk-iotjobsdataplane (1.66.0)
      aws-sdk-core (~> 3, >= 3.216.0)
      aws-sigv4 (~> 1.5)
    aws-sdk-iotmanagedintegrations (1.0.0)
      aws-sdk-core (~> 3, >= 3.216.0)
      aws-sigv4 (~> 1.5)
    aws-sdk-iotsecuretunneling (1.51.0)
      aws-sdk-core (~> 3, >= 3.216.0)
      aws-sigv4 (~> 1.5)
    aws-sdk-iotsitewise (1.83.0)
      aws-sdk-core (~> 3, >= 3.216.0)
      aws-sigv4 (~> 1.5)
    aws-sdk-iotthingsgraph (1.53.0)
      aws-sdk-core (~> 3, >= 3.216.0)
      aws-sigv4 (~> 1.5)
    aws-sdk-iottwinmaker (1.39.0)
      aws-sdk-core (~> 3, >= 3.216.0)
      aws-sigv4 (~> 1.1)
    aws-sdk-iotwireless (1.65.0)
      aws-sdk-core (~> 3, >= 3.216.0)
      aws-sigv4 (~> 1.5)
    aws-sdk-ivs (1.67.0)
      aws-sdk-core (~> 3, >= 3.216.0)
      aws-sigv4 (~> 1.5)
    aws-sdk-ivschat (1.40.0)
      aws-sdk-core (~> 3, >= 3.216.0)
      aws-sigv4 (~> 1.5)
    aws-sdk-ivsrealtime (1.40.0)
      aws-sdk-core (~> 3, >= 3.216.0)
      aws-sigv4 (~> 1.5)
    aws-sdk-kafka (1.89.0)
      aws-sdk-core (~> 3, >= 3.216.0)
      aws-sigv4 (~> 1.5)
    aws-sdk-kafkaconnect (1.37.0)
      aws-sdk-core (~> 3, >= 3.216.0)
      aws-sigv4 (~> 1.5)
    aws-sdk-kendra (1.97.0)
      aws-sdk-core (~> 3, >= 3.216.0)
      aws-sigv4 (~> 1.5)
    aws-sdk-kendraranking (1.28.0)
      aws-sdk-core (~> 3, >= 3.216.0)
      aws-sigv4 (~> 1.5)
    aws-sdk-keyspaces (1.38.0)
      aws-sdk-core (~> 3, >= 3.216.0)
      aws-sigv4 (~> 1.5)
    aws-sdk-kinesis (1.75.0)
      aws-sdk-core (~> 3, >= 3.216.0)
      aws-sigv4 (~> 1.5)
    aws-sdk-kinesisanalytics (1.69.0)
      aws-sdk-core (~> 3, >= 3.216.0)
      aws-sigv4 (~> 1.5)
    aws-sdk-kinesisanalyticsv2 (1.73.0)
      aws-sdk-core (~> 3, >= 3.216.0)
      aws-sigv4 (~> 1.5)
    aws-sdk-kinesisvideo (1.77.0)
      aws-sdk-core (~> 3, >= 3.216.0)
      aws-sigv4 (~> 1.5)
    aws-sdk-kinesisvideoarchivedmedia (1.74.0)
      aws-sdk-core (~> 3, >= 3.216.0)
      aws-sigv4 (~> 1.5)
    aws-sdk-kinesisvideomedia (1.66.0)
      aws-sdk-core (~> 3, >= 3.216.0)
      aws-sigv4 (~> 1.5)
    aws-sdk-kinesisvideosignalingchannels (1.48.0)
      aws-sdk-core (~> 3, >= 3.216.0)
      aws-sigv4 (~> 1.5)
    aws-sdk-kinesisvideowebrtcstorage (1.29.0)
      aws-sdk-core (~> 3, >= 3.216.0)
      aws-sigv4 (~> 1.1)
    aws-sdk-kms (1.99.0)
      aws-sdk-core (~> 3, >= 3.216.0)
      aws-sigv4 (~> 1.5)
    aws-sdk-lakeformation (1.69.0)
      aws-sdk-core (~> 3, >= 3.216.0)
      aws-sigv4 (~> 1.5)
    aws-sdk-lambda (1.148.0)
      aws-sdk-core (~> 3, >= 3.216.0)
      aws-sigv4 (~> 1.5)
    aws-sdk-launchwizard (1.20.0)
      aws-sdk-core (~> 3, >= 3.216.0)
      aws-sigv4 (~> 1.1)
    aws-sdk-lex (1.76.0)
      aws-sdk-core (~> 3, >= 3.216.0)
      aws-sigv4 (~> 1.5)
    aws-sdk-lexmodelbuildingservice (1.87.0)
      aws-sdk-core (~> 3, >= 3.216.0)
      aws-sigv4 (~> 1.5)
    aws-sdk-lexmodelsv2 (1.69.0)
      aws-sdk-core (~> 3, >= 3.216.0)
      aws-sigv4 (~> 1.5)
    aws-sdk-lexruntimev2 (1.50.0)
      aws-sdk-core (~> 3, >= 3.216.0)
      aws-sigv4 (~> 1.5)
    aws-sdk-licensemanager (1.70.0)
      aws-sdk-core (~> 3, >= 3.216.0)
      aws-sigv4 (~> 1.1)
    aws-sdk-licensemanagerlinuxsubscriptions (1.28.0)
      aws-sdk-core (~> 3, >= 3.216.0)
      aws-sigv4 (~> 1.5)
    aws-sdk-licensemanagerusersubscriptions (1.31.0)
      aws-sdk-core (~> 3, >= 3.216.0)
      aws-sigv4 (~> 1.5)
    aws-sdk-lightsail (1.108.0)
      aws-sdk-core (~> 3, >= 3.216.0)
      aws-sigv4 (~> 1.5)
    aws-sdk-locationservice (1.68.0)
      aws-sdk-core (~> 3, >= 3.216.0)
      aws-sigv4 (~> 1.5)
    aws-sdk-lookoutequipment (1.47.0)
      aws-sdk-core (~> 3, >= 3.216.0)
      aws-sigv4 (~> 1.5)
    aws-sdk-lookoutforvision (1.47.0)
      aws-sdk-core (~> 3, >= 3.216.0)
      aws-sigv4 (~> 1.5)
    aws-sdk-lookoutmetrics (1.51.0)
      aws-sdk-core (~> 3, >= 3.216.0)
      aws-sigv4 (~> 1.5)
    aws-sdk-machinelearning (1.69.0)
      aws-sdk-core (~> 3, >= 3.216.0)
      aws-sigv4 (~> 1.5)
    aws-sdk-macie2 (1.84.0)
      aws-sdk-core (~> 3, >= 3.216.0)
      aws-sigv4 (~> 1.5)
    aws-sdk-mailmanager (1.22.0)
      aws-sdk-core (~> 3, >= 3.216.0)
      aws-sigv4 (~> 1.5)
    aws-sdk-mainframemodernization (1.34.0)
      aws-sdk-core (~> 3, >= 3.216.0)
      aws-sigv4 (~> 1.5)
    aws-sdk-managedblockchain (1.68.0)
      aws-sdk-core (~> 3, >= 3.216.0)
      aws-sigv4 (~> 1.5)
    aws-sdk-managedblockchainquery (1.26.0)
      aws-sdk-core (~> 3, >= 3.216.0)
      aws-sigv4 (~> 1.1)
    aws-sdk-managedgrafana (1.44.0)
      aws-sdk-core (~> 3, >= 3.216.0)
      aws-sigv4 (~> 1.1)
    aws-sdk-marketplaceagreement (1.17.0)
      aws-sdk-core (~> 3, >= 3.216.0)
      aws-sigv4 (~> 1.1)
    aws-sdk-marketplacecatalog (1.57.0)
      aws-sdk-core (~> 3, >= 3.216.0)
      aws-sigv4 (~> 1.5)
    aws-sdk-marketplacecommerceanalytics (1.72.0)
      aws-sdk-core (~> 3, >= 3.216.0)
      aws-sigv4 (~> 1.5)
    aws-sdk-marketplacedeployment (1.17.0)
      aws-sdk-core (~> 3, >= 3.216.0)
      aws-sigv4 (~> 1.1)
    aws-sdk-marketplaceentitlementservice (1.67.0)
      aws-sdk-core (~> 3, >= 3.216.0)
      aws-sigv4 (~> 1.5)
    aws-sdk-marketplacemetering (1.76.0)
      aws-sdk-core (~> 3, >= 3.216.0)
      aws-sigv4 (~> 1.5)
    aws-sdk-marketplacereporting (1.5.0)
      aws-sdk-core (~> 3, >= 3.216.0)
      aws-sigv4 (~> 1.5)
    aws-sdk-mediaconnect (1.78.0)
      aws-sdk-core (~> 3, >= 3.216.0)
      aws-sigv4 (~> 1.5)
    aws-sdk-mediaconvert (1.154.0)
      aws-sdk-core (~> 3, >= 3.216.0)
      aws-sigv4 (~> 1.5)
    aws-sdk-medialive (1.148.0)
      aws-sdk-core (~> 3, >= 3.216.0)
      aws-sigv4 (~> 1.5)
    aws-sdk-mediapackage (1.86.0)
      aws-sdk-core (~> 3, >= 3.216.0)
      aws-sigv4 (~> 1.1)
    aws-sdk-mediapackagev2 (1.37.0)
      aws-sdk-core (~> 3, >= 3.216.0)
      aws-sigv4 (~> 1.5)
    aws-sdk-mediapackagevod (1.68.0)
      aws-sdk-core (~> 3, >= 3.216.0)
      aws-sigv4 (~> 1.1)
    aws-sdk-mediastore (1.70.0)
      aws-sdk-core (~> 3, >= 3.216.0)
      aws-sigv4 (~> 1.5)
    aws-sdk-mediastoredata (1.67.0)
      aws-sdk-core (~> 3, >= 3.216.0)
      aws-sigv4 (~> 1.5)
    aws-sdk-mediatailor (1.96.0)
      aws-sdk-core (~> 3, >= 3.216.0)
      aws-sigv4 (~> 1.5)
    aws-sdk-medicalimaging (1.25.0)
      aws-sdk-core (~> 3, >= 3.216.0)
      aws-sigv4 (~> 1.5)
    aws-sdk-memorydb (1.43.0)
      aws-sdk-core (~> 3, >= 3.216.0)
      aws-sigv4 (~> 1.5)
    aws-sdk-mgn (1.46.0)
      aws-sdk-core (~> 3, >= 3.216.0)
      aws-sigv4 (~> 1.1)
    aws-sdk-migrationhub (1.71.0)
      aws-sdk-core (~> 3, >= 3.216.0)
      aws-sigv4 (~> 1.5)
    aws-sdk-migrationhubconfig (1.50.0)
      aws-sdk-core (~> 3, >= 3.216.0)
      aws-sigv4 (~> 1.5)
    aws-sdk-migrationhuborchestrator (1.29.0)
      aws-sdk-core (~> 3, >= 3.216.0)
      aws-sigv4 (~> 1.1)
    aws-sdk-migrationhubrefactorspaces (1.39.0)
      aws-sdk-core (~> 3, >= 3.216.0)
      aws-sigv4 (~> 1.1)
    aws-sdk-migrationhubstrategyrecommendations (1.36.0)
      aws-sdk-core (~> 3, >= 3.216.0)
      aws-sigv4 (~> 1.1)
    aws-sdk-mq (1.77.0)
      aws-sdk-core (~> 3, >= 3.216.0)
      aws-sigv4 (~> 1.5)
    aws-sdk-mturk (1.69.0)
      aws-sdk-core (~> 3, >= 3.216.0)
      aws-sigv4 (~> 1.5)
    aws-sdk-mwaa (1.55.0)
      aws-sdk-core (~> 3, >= 3.216.0)
      aws-sigv4 (~> 1.5)
    aws-sdk-neptune (1.82.0)
      aws-sdk-core (~> 3, >= 3.216.0)
      aws-sigv4 (~> 1.5)
    aws-sdk-neptunedata (1.24.0)
      aws-sdk-core (~> 3, >= 3.216.0)
      aws-sigv4 (~> 1.1)
    aws-sdk-neptunegraph (1.31.0)
      aws-sdk-core (~> 3, >= 3.216.0)
      aws-sigv4 (~> 1.5)
    aws-sdk-networkfirewall (1.63.0)
      aws-sdk-core (~> 3, >= 3.216.0)
      aws-sigv4 (~> 1.5)
    aws-sdk-networkflowmonitor (1.4.0)
      aws-sdk-core (~> 3, >= 3.216.0)
      aws-sigv4 (~> 1.5)
    aws-sdk-networkmanager (1.60.0)
      aws-sdk-core (~> 3, >= 3.216.0)
      aws-sigv4 (~> 1.5)
    aws-sdk-networkmonitor (1.18.0)
      aws-sdk-core (~> 3, >= 3.216.0)
      aws-sigv4 (~> 1.1)
    aws-sdk-notifications (1.4.0)
      aws-sdk-core (~> 3, >= 3.216.0)
      aws-sigv4 (~> 1.5)
    aws-sdk-notificationscontacts (1.3.0)
      aws-sdk-core (~> 3, >= 3.216.0)
      aws-sigv4 (~> 1.5)
    aws-sdk-oam (1.31.0)
      aws-sdk-core (~> 3, >= 3.216.0)
      aws-sigv4 (~> 1.5)
    aws-sdk-observabilityadmin (1.3.0)
      aws-sdk-core (~> 3, >= 3.216.0)
      aws-sigv4 (~> 1.5)
    aws-sdk-omics (1.44.0)
      aws-sdk-core (~> 3, >= 3.216.0)
      aws-sigv4 (~> 1.5)
    aws-sdk-opensearchserverless (1.35.0)
      aws-sdk-core (~> 3, >= 3.216.0)
      aws-sigv4 (~> 1.5)
    aws-sdk-opensearchservice (1.65.0)
      aws-sdk-core (~> 3, >= 3.216.0)
      aws-sigv4 (~> 1.5)
    aws-sdk-opsworks (1.72.0)
      aws-sdk-core (~> 3, >= 3.216.0)
      aws-sigv4 (~> 1.5)
    aws-sdk-opsworkscm (1.81.0)
      aws-sdk-core (~> 3, >= 3.216.0)
      aws-sigv4 (~> 1.5)
    aws-sdk-organizations (1.113.0)
      aws-sdk-core (~> 3, >= 3.216.0)
      aws-sigv4 (~> 1.5)
    aws-sdk-osis (1.30.0)
      aws-sdk-core (~> 3, >= 3.216.0)
      aws-sigv4 (~> 1.5)
    aws-sdk-outposts (1.78.0)
      aws-sdk-core (~> 3, >= 3.216.0)
      aws-sigv4 (~> 1.5)
    aws-sdk-panorama (1.39.0)
      aws-sdk-core (~> 3, >= 3.216.0)
      aws-sigv4 (~> 1.1)
    aws-sdk-partnercentralselling (1.6.0)
      aws-sdk-core (~> 3, >= 3.216.0)
      aws-sigv4 (~> 1.5)
    aws-sdk-paymentcryptography (1.31.0)
      aws-sdk-core (~> 3, >= 3.216.0)
      aws-sigv4 (~> 1.5)
    aws-sdk-paymentcryptographydata (1.30.0)
      aws-sdk-core (~> 3, >= 3.216.0)
      aws-sigv4 (~> 1.5)
    aws-sdk-pcaconnectorad (1.21.0)
      aws-sdk-core (~> 3, >= 3.216.0)
      aws-sigv4 (~> 1.5)
    aws-sdk-pcaconnectorscep (1.14.0)
      aws-sdk-core (~> 3, >= 3.216.0)
      aws-sigv4 (~> 1.5)
    aws-sdk-pcs (1.14.0)
      aws-sdk-core (~> 3, >= 3.216.0)
      aws-sigv4 (~> 1.5)
    aws-sdk-personalize (1.79.0)
      aws-sdk-core (~> 3, >= 3.216.0)
      aws-sigv4 (~> 1.5)
    aws-sdk-personalizeevents (1.60.0)
      aws-sdk-core (~> 3, >= 3.216.0)
      aws-sigv4 (~> 1.5)
    aws-sdk-personalizeruntime (1.66.0)
      aws-sdk-core (~> 3, >= 3.216.0)
      aws-sigv4 (~> 1.5)
    aws-sdk-pi (1.77.0)
      aws-sdk-core (~> 3, >= 3.216.0)
      aws-sigv4 (~> 1.5)
    aws-sdk-pinpoint (1.106.0)
      aws-sdk-core (~> 3, >= 3.216.0)
      aws-sigv4 (~> 1.5)
    aws-sdk-pinpointemail (1.64.0)
      aws-sdk-core (~> 3, >= 3.216.0)
      aws-sigv4 (~> 1.5)
    aws-sdk-pinpointsmsvoice (1.60.0)
      aws-sdk-core (~> 3, >= 3.216.0)
      aws-sigv4 (~> 1.1)
    aws-sdk-pinpointsmsvoicev2 (1.34.0)
      aws-sdk-core (~> 3, >= 3.216.0)
      aws-sigv4 (~> 1.5)
    aws-sdk-pipes (1.36.0)
      aws-sdk-core (~> 3, >= 3.216.0)
      aws-sigv4 (~> 1.5)
    aws-sdk-polly (1.104.0)
      aws-sdk-core (~> 3, >= 3.216.0)
      aws-sigv4 (~> 1.5)
    aws-sdk-pricing (1.74.0)
      aws-sdk-core (~> 3, >= 3.216.0)
      aws-sigv4 (~> 1.5)
    aws-sdk-privatenetworks (1.30.0)
      aws-sdk-core (~> 3, >= 3.216.0)
      aws-sigv4 (~> 1.1)
    aws-sdk-prometheusservice (1.48.0)
      aws-sdk-core (~> 3, >= 3.216.0)
      aws-sigv4 (~> 1.5)
    aws-sdk-proton (1.52.0)
      aws-sdk-core (~> 3, >= 3.216.0)
      aws-sigv4 (~> 1.1)
    aws-sdk-qapps (1.14.0)
      aws-sdk-core (~> 3, >= 3.216.0)
      aws-sigv4 (~> 1.5)
    aws-sdk-qbusiness (1.33.0)
      aws-sdk-core (~> 3, >= 3.216.0)
      aws-sigv4 (~> 1.5)
    aws-sdk-qconnect (1.30.0)
      aws-sdk-core (~> 3, >= 3.216.0)
      aws-sigv4 (~> 1.5)
    aws-sdk-qldb (1.56.0)
      aws-sdk-core (~> 3, >= 3.216.0)
      aws-sigv4 (~> 1.5)
    aws-sdk-qldbsession (1.51.0)
      aws-sdk-core (~> 3, >= 3.216.0)
      aws-sigv4 (~> 1.5)
    aws-sdk-quicksight (1.144.0)
      aws-sdk-core (~> 3, >= 3.216.0)
      aws-sigv4 (~> 1.5)
    aws-sdk-ram (1.70.0)
      aws-sdk-core (~> 3, >= 3.216.0)
      aws-sigv4 (~> 1.5)
    aws-sdk-rds (1.272.0)
      aws-sdk-core (~> 3, >= 3.216.0)
      aws-sigv4 (~> 1.5)
    aws-sdk-rdsdataservice (1.70.0)
      aws-sdk-core (~> 3, >= 3.216.0)
      aws-sigv4 (~> 1.5)
    aws-sdk-recyclebin (1.37.0)
      aws-sdk-core (~> 3, >= 3.216.0)
      aws-sigv4 (~> 1.5)
    aws-sdk-redshift (1.138.0)
      aws-sdk-core (~> 3, >= 3.216.0)
      aws-sigv4 (~> 1.5)
    aws-sdk-redshiftdataapiservice (1.54.0)
      aws-sdk-core (~> 3, >= 3.216.0)
      aws-sigv4 (~> 1.5)
    aws-sdk-redshiftserverless (1.47.0)
      aws-sdk-core (~> 3, >= 3.216.0)
      aws-sigv4 (~> 1.5)
    aws-sdk-rekognition (1.113.0)
      aws-sdk-core (~> 3, >= 3.216.0)
      aws-sigv4 (~> 1.5)
    aws-sdk-repostspace (1.19.0)
      aws-sdk-core (~> 3, >= 3.216.0)
      aws-sigv4 (~> 1.5)
    aws-sdk-resiliencehub (1.48.0)
      aws-sdk-core (~> 3, >= 3.216.0)
      aws-sigv4 (~> 1.5)
    aws-sdk-resourceexplorer2 (1.33.0)
      aws-sdk-core (~> 3, >= 3.216.0)
      aws-sigv4 (~> 1.5)
    aws-sdk-resourcegroups (1.79.0)
      aws-sdk-core (~> 3, >= 3.216.0)
      aws-sigv4 (~> 1.5)
    aws-sdk-resourcegroupstaggingapi (1.77.0)
      aws-sdk-core (~> 3, >= 3.216.0)
      aws-sigv4 (~> 1.5)
    aws-sdk-resources (3.225.0)
      aws-sdk-accessanalyzer (~> 1)
      aws-sdk-account (~> 1)
      aws-sdk-acm (~> 1)
      aws-sdk-acmpca (~> 1)
      aws-sdk-amplify (~> 1)
      aws-sdk-amplifybackend (~> 1)
      aws-sdk-amplifyuibuilder (~> 1)
      aws-sdk-apigateway (~> 1)
      aws-sdk-apigatewaymanagementapi (~> 1)
      aws-sdk-apigatewayv2 (~> 1)
      aws-sdk-appconfig (~> 1)
      aws-sdk-appconfigdata (~> 1)
      aws-sdk-appfabric (~> 1)
      aws-sdk-appflow (~> 1)
      aws-sdk-appintegrationsservice (~> 1)
      aws-sdk-applicationautoscaling (~> 1)
      aws-sdk-applicationcostprofiler (~> 1)
      aws-sdk-applicationdiscoveryservice (~> 1)
      aws-sdk-applicationinsights (~> 1)
      aws-sdk-applicationsignals (~> 1)
      aws-sdk-appmesh (~> 1)
      aws-sdk-appregistry (~> 1)
      aws-sdk-apprunner (~> 1)
      aws-sdk-appstream (~> 1)
      aws-sdk-appsync (~> 1)
      aws-sdk-apptest (~> 1)
      aws-sdk-arczonalshift (~> 1)
      aws-sdk-artifact (~> 1)
      aws-sdk-athena (~> 1)
      aws-sdk-auditmanager (~> 1)
      aws-sdk-augmentedairuntime (~> 1)
      aws-sdk-autoscaling (~> 1)
      aws-sdk-autoscalingplans (~> 1)
      aws-sdk-b2bi (~> 1)
      aws-sdk-backup (~> 1)
      aws-sdk-backupgateway (~> 1)
      aws-sdk-backupsearch (~> 1)
      aws-sdk-batch (~> 1)
      aws-sdk-bcmdataexports (~> 1)
      aws-sdk-bcmpricingcalculator (~> 1)
      aws-sdk-bedrock (~> 1)
      aws-sdk-bedrockagent (~> 1)
      aws-sdk-bedrockagentruntime (~> 1)
      aws-sdk-bedrockdataautomation (~> 1)
      aws-sdk-bedrockdataautomationruntime (~> 1)
      aws-sdk-bedrockruntime (~> 1)
      aws-sdk-billing (~> 1)
      aws-sdk-billingconductor (~> 1)
      aws-sdk-braket (~> 1)
      aws-sdk-budgets (~> 1)
      aws-sdk-chatbot (~> 1)
      aws-sdk-chime (~> 1)
      aws-sdk-chimesdkidentity (~> 1)
      aws-sdk-chimesdkmediapipelines (~> 1)
      aws-sdk-chimesdkmeetings (~> 1)
      aws-sdk-chimesdkmessaging (~> 1)
      aws-sdk-chimesdkvoice (~> 1)
      aws-sdk-cleanrooms (~> 1)
      aws-sdk-cleanroomsml (~> 1)
      aws-sdk-cloud9 (~> 1)
      aws-sdk-cloudcontrolapi (~> 1)
      aws-sdk-clouddirectory (~> 1)
      aws-sdk-cloudformation (~> 1)
      aws-sdk-cloudfront (~> 1)
      aws-sdk-cloudfrontkeyvaluestore (~> 1)
      aws-sdk-cloudhsm (~> 1)
      aws-sdk-cloudhsmv2 (~> 1)
      aws-sdk-cloudsearch (~> 1)
      aws-sdk-cloudsearchdomain (~> 1)
      aws-sdk-cloudtrail (~> 1)
      aws-sdk-cloudtraildata (~> 1)
      aws-sdk-cloudwatch (~> 1)
      aws-sdk-cloudwatchevents (~> 1)
      aws-sdk-cloudwatchevidently (~> 1)
      aws-sdk-cloudwatchlogs (~> 1)
      aws-sdk-cloudwatchrum (~> 1)
      aws-sdk-codeartifact (~> 1)
      aws-sdk-codebuild (~> 1)
      aws-sdk-codecatalyst (~> 1)
      aws-sdk-codecommit (~> 1)
      aws-sdk-codeconnections (~> 1)
      aws-sdk-codedeploy (~> 1)
      aws-sdk-codeguruprofiler (~> 1)
      aws-sdk-codegurureviewer (~> 1)
      aws-sdk-codegurusecurity (~> 1)
      aws-sdk-codepipeline (~> 1)
      aws-sdk-codestarconnections (~> 1)
      aws-sdk-codestarnotifications (~> 1)
      aws-sdk-cognitoidentity (~> 1)
      aws-sdk-cognitoidentityprovider (~> 1)
      aws-sdk-cognitosync (~> 1)
      aws-sdk-comprehend (~> 1)
      aws-sdk-comprehendmedical (~> 1)
      aws-sdk-computeoptimizer (~> 1)
      aws-sdk-configservice (~> 1)
      aws-sdk-connect (~> 1)
      aws-sdk-connectcampaignservice (~> 1)
      aws-sdk-connectcampaignsv2 (~> 1)
      aws-sdk-connectcases (~> 1)
      aws-sdk-connectcontactlens (~> 1)
      aws-sdk-connectparticipant (~> 1)
      aws-sdk-connectwisdomservice (~> 1)
      aws-sdk-controlcatalog (~> 1)
      aws-sdk-controltower (~> 1)
      aws-sdk-costandusagereportservice (~> 1)
      aws-sdk-costexplorer (~> 1)
      aws-sdk-costoptimizationhub (~> 1)
      aws-sdk-customerprofiles (~> 1)
      aws-sdk-databasemigrationservice (~> 1)
      aws-sdk-dataexchange (~> 1)
      aws-sdk-datapipeline (~> 1)
      aws-sdk-datasync (~> 1)
      aws-sdk-datazone (~> 1)
      aws-sdk-dax (~> 1)
      aws-sdk-deadline (~> 1)
      aws-sdk-detective (~> 1)
      aws-sdk-devicefarm (~> 1)
      aws-sdk-devopsguru (~> 1)
      aws-sdk-directconnect (~> 1)
      aws-sdk-directoryservice (~> 1)
      aws-sdk-directoryservicedata (~> 1)
      aws-sdk-dlm (~> 1)
      aws-sdk-docdb (~> 1)
      aws-sdk-docdbelastic (~> 1)
      aws-sdk-drs (~> 1)
      aws-sdk-dsql (~> 1)
      aws-sdk-dynamodb (~> 1)
      aws-sdk-dynamodbstreams (~> 1)
      aws-sdk-ebs (~> 1)
      aws-sdk-ec2 (~> 1)
      aws-sdk-ec2instanceconnect (~> 1)
      aws-sdk-ecr (~> 1)
      aws-sdk-ecrpublic (~> 1)
      aws-sdk-ecs (~> 1)
      aws-sdk-efs (~> 1)
      aws-sdk-eks (~> 1)
      aws-sdk-eksauth (~> 1)
      aws-sdk-elasticache (~> 1)
      aws-sdk-elasticbeanstalk (~> 1)
      aws-sdk-elasticloadbalancing (~> 1)
      aws-sdk-elasticloadbalancingv2 (~> 1)
      aws-sdk-elasticsearchservice (~> 1)
      aws-sdk-elastictranscoder (~> 1)
      aws-sdk-emr (~> 1)
      aws-sdk-emrcontainers (~> 1)
      aws-sdk-emrserverless (~> 1)
      aws-sdk-entityresolution (~> 1)
      aws-sdk-eventbridge (~> 1)
      aws-sdk-finspace (~> 1)
      aws-sdk-finspacedata (~> 1)
      aws-sdk-firehose (~> 1)
      aws-sdk-fis (~> 1)
      aws-sdk-fms (~> 1)
      aws-sdk-forecastqueryservice (~> 1)
      aws-sdk-forecastservice (~> 1)
      aws-sdk-frauddetector (~> 1)
      aws-sdk-freetier (~> 1)
      aws-sdk-fsx (~> 1)
      aws-sdk-gamelift (~> 1)
      aws-sdk-gameliftstreams (~> 1)
      aws-sdk-geomaps (~> 1)
      aws-sdk-geoplaces (~> 1)
      aws-sdk-georoutes (~> 1)
      aws-sdk-glacier (~> 1)
      aws-sdk-globalaccelerator (~> 1)
      aws-sdk-glue (~> 1)
      aws-sdk-gluedatabrew (~> 1)
      aws-sdk-greengrass (~> 1)
      aws-sdk-greengrassv2 (~> 1)
      aws-sdk-groundstation (~> 1)
      aws-sdk-guardduty (~> 1)
      aws-sdk-health (~> 1)
      aws-sdk-healthlake (~> 1)
      aws-sdk-iam (~> 1)
      aws-sdk-identitystore (~> 1)
      aws-sdk-imagebuilder (~> 1)
      aws-sdk-importexport (~> 1)
      aws-sdk-inspector (~> 1)
      aws-sdk-inspector2 (~> 1)
      aws-sdk-inspectorscan (~> 1)
      aws-sdk-internetmonitor (~> 1)
      aws-sdk-invoicing (~> 1)
      aws-sdk-iot (~> 1)
      aws-sdk-iotanalytics (~> 1)
      aws-sdk-iotdataplane (~> 1)
      aws-sdk-iotdeviceadvisor (~> 1)
      aws-sdk-iotevents (~> 1)
      aws-sdk-ioteventsdata (~> 1)
      aws-sdk-iotfleethub (~> 1)
      aws-sdk-iotfleetwise (~> 1)
      aws-sdk-iotjobsdataplane (~> 1)
      aws-sdk-iotmanagedintegrations (~> 1)
      aws-sdk-iotsecuretunneling (~> 1)
      aws-sdk-iotsitewise (~> 1)
      aws-sdk-iotthingsgraph (~> 1)
      aws-sdk-iottwinmaker (~> 1)
      aws-sdk-iotwireless (~> 1)
      aws-sdk-ivs (~> 1)
      aws-sdk-ivschat (~> 1)
      aws-sdk-ivsrealtime (~> 1)
      aws-sdk-kafka (~> 1)
      aws-sdk-kafkaconnect (~> 1)
      aws-sdk-kendra (~> 1)
      aws-sdk-kendraranking (~> 1)
      aws-sdk-keyspaces (~> 1)
      aws-sdk-kinesis (~> 1)
      aws-sdk-kinesisanalytics (~> 1)
      aws-sdk-kinesisanalyticsv2 (~> 1)
      aws-sdk-kinesisvideo (~> 1)
      aws-sdk-kinesisvideoarchivedmedia (~> 1)
      aws-sdk-kinesisvideomedia (~> 1)
      aws-sdk-kinesisvideosignalingchannels (~> 1)
      aws-sdk-kinesisvideowebrtcstorage (~> 1)
      aws-sdk-kms (~> 1)
      aws-sdk-lakeformation (~> 1)
      aws-sdk-lambda (~> 1)
      aws-sdk-launchwizard (~> 1)
      aws-sdk-lex (~> 1)
      aws-sdk-lexmodelbuildingservice (~> 1)
      aws-sdk-lexmodelsv2 (~> 1)
      aws-sdk-lexruntimev2 (~> 1)
      aws-sdk-licensemanager (~> 1)
      aws-sdk-licensemanagerlinuxsubscriptions (~> 1)
      aws-sdk-licensemanagerusersubscriptions (~> 1)
      aws-sdk-lightsail (~> 1)
      aws-sdk-locationservice (~> 1)
      aws-sdk-lookoutequipment (~> 1)
      aws-sdk-lookoutforvision (~> 1)
      aws-sdk-lookoutmetrics (~> 1)
      aws-sdk-machinelearning (~> 1)
      aws-sdk-macie2 (~> 1)
      aws-sdk-mailmanager (~> 1)
      aws-sdk-mainframemodernization (~> 1)
      aws-sdk-managedblockchain (~> 1)
      aws-sdk-managedblockchainquery (~> 1)
      aws-sdk-managedgrafana (~> 1)
      aws-sdk-marketplaceagreement (~> 1)
      aws-sdk-marketplacecatalog (~> 1)
      aws-sdk-marketplacecommerceanalytics (~> 1)
      aws-sdk-marketplacedeployment (~> 1)
      aws-sdk-marketplaceentitlementservice (~> 1)
      aws-sdk-marketplacemetering (~> 1)
      aws-sdk-marketplacereporting (~> 1)
      aws-sdk-mediaconnect (~> 1)
      aws-sdk-mediaconvert (~> 1)
      aws-sdk-medialive (~> 1)
      aws-sdk-mediapackage (~> 1)
      aws-sdk-mediapackagev2 (~> 1)
      aws-sdk-mediapackagevod (~> 1)
      aws-sdk-mediastore (~> 1)
      aws-sdk-mediastoredata (~> 1)
      aws-sdk-mediatailor (~> 1)
      aws-sdk-medicalimaging (~> 1)
      aws-sdk-memorydb (~> 1)
      aws-sdk-mgn (~> 1)
      aws-sdk-migrationhub (~> 1)
      aws-sdk-migrationhubconfig (~> 1)
      aws-sdk-migrationhuborchestrator (~> 1)
      aws-sdk-migrationhubrefactorspaces (~> 1)
      aws-sdk-migrationhubstrategyrecommendations (~> 1)
      aws-sdk-mq (~> 1)
      aws-sdk-mturk (~> 1)
      aws-sdk-mwaa (~> 1)
      aws-sdk-neptune (~> 1)
      aws-sdk-neptunedata (~> 1)
      aws-sdk-neptunegraph (~> 1)
      aws-sdk-networkfirewall (~> 1)
      aws-sdk-networkflowmonitor (~> 1)
      aws-sdk-networkmanager (~> 1)
      aws-sdk-networkmonitor (~> 1)
      aws-sdk-notifications (~> 1)
      aws-sdk-notificationscontacts (~> 1)
      aws-sdk-oam (~> 1)
      aws-sdk-observabilityadmin (~> 1)
      aws-sdk-omics (~> 1)
      aws-sdk-opensearchserverless (~> 1)
      aws-sdk-opensearchservice (~> 1)
      aws-sdk-opsworks (~> 1)
      aws-sdk-opsworkscm (~> 1)
      aws-sdk-organizations (~> 1)
      aws-sdk-osis (~> 1)
      aws-sdk-outposts (~> 1)
      aws-sdk-panorama (~> 1)
      aws-sdk-partnercentralselling (~> 1)
      aws-sdk-paymentcryptography (~> 1)
      aws-sdk-paymentcryptographydata (~> 1)
      aws-sdk-pcaconnectorad (~> 1)
      aws-sdk-pcaconnectorscep (~> 1)
      aws-sdk-pcs (~> 1)
      aws-sdk-personalize (~> 1)
      aws-sdk-personalizeevents (~> 1)
      aws-sdk-personalizeruntime (~> 1)
      aws-sdk-pi (~> 1)
      aws-sdk-pinpoint (~> 1)
      aws-sdk-pinpointemail (~> 1)
      aws-sdk-pinpointsmsvoice (~> 1)
      aws-sdk-pinpointsmsvoicev2 (~> 1)
      aws-sdk-pipes (~> 1)
      aws-sdk-polly (~> 1)
      aws-sdk-pricing (~> 1)
      aws-sdk-privatenetworks (~> 1)
      aws-sdk-prometheusservice (~> 1)
      aws-sdk-proton (~> 1)
      aws-sdk-qapps (~> 1)
      aws-sdk-qbusiness (~> 1)
      aws-sdk-qconnect (~> 1)
      aws-sdk-qldb (~> 1)
      aws-sdk-qldbsession (~> 1)
      aws-sdk-quicksight (~> 1)
      aws-sdk-ram (~> 1)
      aws-sdk-rds (~> 1)
      aws-sdk-rdsdataservice (~> 1)
      aws-sdk-recyclebin (~> 1)
      aws-sdk-redshift (~> 1)
      aws-sdk-redshiftdataapiservice (~> 1)
      aws-sdk-redshiftserverless (~> 1)
      aws-sdk-rekognition (~> 1)
      aws-sdk-repostspace (~> 1)
      aws-sdk-resiliencehub (~> 1)
      aws-sdk-resourceexplorer2 (~> 1)
      aws-sdk-resourcegroups (~> 1)
      aws-sdk-resourcegroupstaggingapi (~> 1)
      aws-sdk-robomaker (~> 1)
      aws-sdk-rolesanywhere (~> 1)
      aws-sdk-route53 (~> 1)
      aws-sdk-route53domains (~> 1)
      aws-sdk-route53profiles (~> 1)
      aws-sdk-route53recoverycluster (~> 1)
      aws-sdk-route53recoverycontrolconfig (~> 1)
      aws-sdk-route53recoveryreadiness (~> 1)
      aws-sdk-route53resolver (~> 1)
      aws-sdk-s3 (~> 1)
      aws-sdk-s3control (~> 1)
      aws-sdk-s3outposts (~> 1)
      aws-sdk-s3tables (~> 1)
      aws-sdk-sagemaker (~> 1)
      aws-sdk-sagemakeredgemanager (~> 1)
      aws-sdk-sagemakerfeaturestoreruntime (~> 1)
      aws-sdk-sagemakergeospatial (~> 1)
      aws-sdk-sagemakermetrics (~> 1)
      aws-sdk-sagemakerruntime (~> 1)
      aws-sdk-savingsplans (~> 1)
      aws-sdk-scheduler (~> 1)
      aws-sdk-schemas (~> 1)
      aws-sdk-secretsmanager (~> 1)
      aws-sdk-securityhub (~> 1)
      aws-sdk-securityir (~> 1)
      aws-sdk-securitylake (~> 1)
      aws-sdk-serverlessapplicationrepository (~> 1)
      aws-sdk-servicecatalog (~> 1)
      aws-sdk-servicediscovery (~> 1)
      aws-sdk-servicequotas (~> 1)
      aws-sdk-ses (~> 1)
      aws-sdk-sesv2 (~> 1)
      aws-sdk-shield (~> 1)
      aws-sdk-signer (~> 1)
      aws-sdk-simpledb (~> 1)
      aws-sdk-simspaceweaver (~> 1)
      aws-sdk-sms (~> 1)
      aws-sdk-snowball (~> 1)
      aws-sdk-snowdevicemanagement (~> 1)
      aws-sdk-sns (~> 1)
      aws-sdk-socialmessaging (~> 1)
      aws-sdk-sqs (~> 1)
      aws-sdk-ssm (~> 1)
      aws-sdk-ssmcontacts (~> 1)
      aws-sdk-ssmincidents (~> 1)
      aws-sdk-ssmquicksetup (~> 1)
      aws-sdk-ssmsap (~> 1)
      aws-sdk-ssoadmin (~> 1)
      aws-sdk-states (~> 1)
      aws-sdk-storagegateway (~> 1)
      aws-sdk-supplychain (~> 1)
      aws-sdk-support (~> 1)
      aws-sdk-supportapp (~> 1)
      aws-sdk-swf (~> 1)
      aws-sdk-synthetics (~> 1)
      aws-sdk-taxsettings (~> 1)
      aws-sdk-textract (~> 1)
      aws-sdk-timestreaminfluxdb (~> 1)
      aws-sdk-timestreamquery (~> 1)
      aws-sdk-timestreamwrite (~> 1)
      aws-sdk-tnb (~> 1)
      aws-sdk-transcribeservice (~> 1)
      aws-sdk-transcribestreamingservice (~> 1)
      aws-sdk-transfer (~> 1)
      aws-sdk-translate (~> 1)
      aws-sdk-trustedadvisor (~> 1)
      aws-sdk-verifiedpermissions (~> 1)
      aws-sdk-voiceid (~> 1)
      aws-sdk-vpclattice (~> 1)
      aws-sdk-waf (~> 1)
      aws-sdk-wafregional (~> 1)
      aws-sdk-wafv2 (~> 1)
      aws-sdk-wellarchitected (~> 1)
      aws-sdk-workdocs (~> 1)
      aws-sdk-workmail (~> 1)
      aws-sdk-workmailmessageflow (~> 1)
      aws-sdk-workspaces (~> 1)
      aws-sdk-workspacesthinclient (~> 1)
      aws-sdk-workspacesweb (~> 1)
      aws-sdk-xray (~> 1)
    aws-sdk-robomaker (1.81.0)
      aws-sdk-core (~> 3, >= 3.216.0)
      aws-sigv4 (~> 1.5)
    aws-sdk-rolesanywhere (1.33.0)
      aws-sdk-core (~> 3, >= 3.216.0)
      aws-sigv4 (~> 1.5)
    aws-sdk-route53 (1.111.0)
      aws-sdk-core (~> 3, >= 3.216.0)
      aws-sigv4 (~> 1.5)
    aws-sdk-route53domains (1.76.0)
      aws-sdk-core (~> 3, >= 3.216.0)
      aws-sigv4 (~> 1.5)
    aws-sdk-route53profiles (1.17.0)
      aws-sdk-core (~> 3, >= 3.216.0)
      aws-sigv4 (~> 1.1)
    aws-sdk-route53recoverycluster (1.41.0)
      aws-sdk-core (~> 3, >= 3.216.0)
      aws-sigv4 (~> 1.5)
    aws-sdk-route53recoverycontrolconfig (1.41.0)
      aws-sdk-core (~> 3, >= 3.216.0)
      aws-sigv4 (~> 1.5)
    aws-sdk-route53recoveryreadiness (1.38.0)
      aws-sdk-core (~> 3, >= 3.216.0)
      aws-sigv4 (~> 1.1)
    aws-sdk-route53resolver (1.77.0)
      aws-sdk-core (~> 3, >= 3.216.0)
      aws-sigv4 (~> 1.5)
    aws-sdk-s3 (1.182.0)
      aws-sdk-core (~> 3, >= 3.216.0)
      aws-sdk-kms (~> 1)
      aws-sigv4 (~> 1.5)
    aws-sdk-s3control (1.104.0)
      aws-sdk-core (~> 3, >= 3.216.0)
      aws-sigv4 (~> 1.5)
    aws-sdk-s3outposts (1.45.0)
      aws-sdk-core (~> 3, >= 3.216.0)
      aws-sigv4 (~> 1.5)
    aws-sdk-s3tables (1.4.0)
      aws-sdk-core (~> 3, >= 3.216.0)
      aws-sigv4 (~> 1.5)
    aws-sdk-sagemaker (1.296.0)
      aws-sdk-core (~> 3, >= 3.216.0)
      aws-sigv4 (~> 1.5)
    aws-sdk-sagemakeredgemanager (1.41.0)
      aws-sdk-core (~> 3, >= 3.216.0)
      aws-sigv4 (~> 1.5)
    aws-sdk-sagemakerfeaturestoreruntime (1.46.0)
      aws-sdk-core (~> 3, >= 3.216.0)
      aws-sigv4 (~> 1.5)
    aws-sdk-sagemakergeospatial (1.29.0)
      aws-sdk-core (~> 3, >= 3.216.0)
      aws-sigv4 (~> 1.1)
    aws-sdk-sagemakermetrics (1.29.0)
      aws-sdk-core (~> 3, >= 3.216.0)
      aws-sigv4 (~> 1.5)
    aws-sdk-sagemakerruntime (1.79.0)
      aws-sdk-core (~> 3, >= 3.216.0)
      aws-sigv4 (~> 1.5)
    aws-sdk-savingsplans (1.57.0)
      aws-sdk-core (~> 3, >= 3.216.0)
      aws-sigv4 (~> 1.5)
    aws-sdk-scheduler (1.29.0)
      aws-sdk-core (~> 3, >= 3.216.0)
      aws-sigv4 (~> 1.1)
    aws-sdk-schemas (1.51.0)
      aws-sdk-core (~> 3, >= 3.216.0)
      aws-sigv4 (~> 1.1)
    aws-sdk-secretsmanager (1.113.0)
      aws-sdk-core (~> 3, >= 3.216.0)
      aws-sigv4 (~> 1.5)
    aws-sdk-securityhub (1.131.0)
      aws-sdk-core (~> 3, >= 3.216.0)
      aws-sigv4 (~> 1.5)
    aws-sdk-securityir (1.3.0)
      aws-sdk-core (~> 3, >= 3.216.0)
      aws-sigv4 (~> 1.5)
    aws-sdk-securitylake (1.37.0)
      aws-sdk-core (~> 3, >= 3.216.0)
      aws-sigv4 (~> 1.5)
    aws-sdk-serverlessapplicationrepository (1.74.0)
      aws-sdk-core (~> 3, >= 3.216.0)
      aws-sigv4 (~> 1.1)
    aws-sdk-servicecatalog (1.110.0)
      aws-sdk-core (~> 3, >= 3.216.0)
      aws-sigv4 (~> 1.5)
    aws-sdk-servicediscovery (1.82.0)
      aws-sdk-core (~> 3, >= 3.216.0)
      aws-sigv4 (~> 1.5)
    aws-sdk-servicequotas (1.52.0)
      aws-sdk-core (~> 3, >= 3.216.0)
      aws-sigv4 (~> 1.5)
    aws-sdk-ses (1.82.0)
      aws-sdk-core (~> 3, >= 3.216.0)
      aws-sigv4 (~> 1.5)
    aws-sdk-sesv2 (1.72.0)
      aws-sdk-core (~> 3, >= 3.216.0)
      aws-sigv4 (~> 1.5)
    aws-sdk-shield (1.79.0)
      aws-sdk-core (~> 3, >= 3.216.0)
      aws-sigv4 (~> 1.5)
    aws-sdk-signer (1.69.0)
      aws-sdk-core (~> 3, >= 3.216.0)
      aws-sigv4 (~> 1.5)
    aws-sdk-simpledb (1.62.0)
      aws-sdk-core (~> 3, >= 3.216.0)
      aws-sigv2 (~> 1.0)
    aws-sdk-simspaceweaver (1.30.0)
      aws-sdk-core (~> 3, >= 3.216.0)
      aws-sigv4 (~> 1.1)
    aws-sdk-sms (1.69.0)
      aws-sdk-core (~> 3, >= 3.216.0)
      aws-sigv4 (~> 1.1)
    aws-sdk-snowball (1.84.0)
      aws-sdk-core (~> 3, >= 3.216.0)
      aws-sigv4 (~> 1.5)
    aws-sdk-snowdevicemanagement (1.35.0)
      aws-sdk-core (~> 3, >= 3.216.0)
      aws-sigv4 (~> 1.1)
    aws-sdk-sns (1.97.0)
      aws-sdk-core (~> 3, >= 3.216.0)
      aws-sigv4 (~> 1.5)
    aws-sdk-socialmessaging (1.6.0)
      aws-sdk-core (~> 3, >= 3.216.0)
      aws-sigv4 (~> 1.5)
    aws-sdk-sqs (1.93.0)
      aws-sdk-core (~> 3, >= 3.216.0)
      aws-sigv4 (~> 1.5)
    aws-sdk-ssm (1.192.0)
      aws-sdk-core (~> 3, >= 3.216.0)
      aws-sigv4 (~> 1.5)
    aws-sdk-ssmcontacts (1.44.0)
      aws-sdk-core (~> 3, >= 3.216.0)
      aws-sigv4 (~> 1.5)
    aws-sdk-ssmincidents (1.49.0)
      aws-sdk-core (~> 3, >= 3.216.0)
      aws-sigv4 (~> 1.1)
    aws-sdk-ssmquicksetup (1.12.0)
      aws-sdk-core (~> 3, >= 3.216.0)
      aws-sigv4 (~> 1.5)
    aws-sdk-ssmsap (1.35.0)
      aws-sdk-core (~> 3, >= 3.216.0)
      aws-sigv4 (~> 1.5)
    aws-sdk-ssoadmin (1.51.0)
      aws-sdk-core (~> 3, >= 3.216.0)
      aws-sigv4 (~> 1.1)
    aws-sdk-states (1.87.0)
      aws-sdk-core (~> 3, >= 3.216.0)
      aws-sigv4 (~> 1.5)
    aws-sdk-storagegateway (1.106.0)
      aws-sdk-core (~> 3, >= 3.216.0)
      aws-sigv4 (~> 1.5)
    aws-sdk-supplychain (1.23.0)
      aws-sdk-core (~> 3, >= 3.216.0)
      aws-sigv4 (~> 1.5)
    aws-sdk-support (1.75.0)
      aws-sdk-core (~> 3, >= 3.216.0)
      aws-sigv4 (~> 1.5)
    aws-sdk-supportapp (1.30.0)
      aws-sdk-core (~> 3, >= 3.216.0)
      aws-sigv4 (~> 1.1)
    aws-sdk-swf (1.69.0)
      aws-sdk-core (~> 3, >= 3.216.0)
      aws-sigv4 (~> 1.5)
    aws-sdk-synthetics (1.61.0)
      aws-sdk-core (~> 3, >= 3.216.0)
      aws-sigv4 (~> 1.5)
    aws-sdk-taxsettings (1.20.0)
      aws-sdk-core (~> 3, >= 3.216.0)
      aws-sigv4 (~> 1.5)
    aws-sdk-textract (1.74.0)
      aws-sdk-core (~> 3, >= 3.216.0)
      aws-sigv4 (~> 1.5)
    aws-sdk-timestreaminfluxdb (1.22.0)
      aws-sdk-core (~> 3, >= 3.216.0)
      aws-sigv4 (~> 1.1)
    aws-sdk-timestreamquery (1.50.0)
      aws-sdk-core (~> 3, >= 3.216.0)
      aws-sigv4 (~> 1.5)
    aws-sdk-timestreamwrite (1.45.0)
      aws-sdk-core (~> 3, >= 3.216.0)
      aws-sigv4 (~> 1.1)
    aws-sdk-tnb (1.28.0)
      aws-sdk-core (~> 3, >= 3.216.0)
      aws-sigv4 (~> 1.5)
    aws-sdk-transcribeservice (1.116.0)
      aws-sdk-core (~> 3, >= 3.216.0)
      aws-sigv4 (~> 1.5)
    aws-sdk-transcribestreamingservice (1.78.0)
      aws-sdk-core (~> 3, >= 3.216.0)
      aws-sigv4 (~> 1.5)
    aws-sdk-transfer (1.113.0)
      aws-sdk-core (~> 3, >= 3.216.0)
      aws-sigv4 (~> 1.5)
    aws-sdk-translate (1.80.0)
      aws-sdk-core (~> 3, >= 3.216.0)
      aws-sigv4 (~> 1.5)
    aws-sdk-trustedadvisor (1.20.0)
      aws-sdk-core (~> 3, >= 3.216.0)
      aws-sigv4 (~> 1.1)
    aws-sdk-verifiedpermissions (1.42.0)
      aws-sdk-core (~> 3, >= 3.216.0)
      aws-sigv4 (~> 1.5)
    aws-sdk-voiceid (1.40.0)
      aws-sdk-core (~> 3, >= 3.216.0)
      aws-sigv4 (~> 1.1)
    aws-sdk-vpclattice (1.28.0)
      aws-sdk-core (~> 3, >= 3.216.0)
      aws-sigv4 (~> 1.5)
    aws-sdk-waf (1.76.0)
      aws-sdk-core (~> 3, >= 3.216.0)
      aws-sigv4 (~> 1.5)
    aws-sdk-wafregional (1.78.0)
      aws-sdk-core (~> 3, >= 3.216.0)
      aws-sigv4 (~> 1.5)
    aws-sdk-wafv2 (1.105.0)
      aws-sdk-core (~> 3, >= 3.216.0)
      aws-sigv4 (~> 1.5)
    aws-sdk-wellarchitected (1.51.0)
      aws-sdk-core (~> 3, >= 3.216.0)
      aws-sigv4 (~> 1.5)
    aws-sdk-workdocs (1.72.0)
      aws-sdk-core (~> 3, >= 3.216.0)
      aws-sigv4 (~> 1.5)
    aws-sdk-workmail (1.81.0)
      aws-sdk-core (~> 3, >= 3.216.0)
      aws-sigv4 (~> 1.5)
    aws-sdk-workmailmessageflow (1.50.0)
      aws-sdk-core (~> 3, >= 3.216.0)
      aws-sigv4 (~> 1.5)
    aws-sdk-workspaces (1.133.0)
      aws-sdk-core (~> 3, >= 3.216.0)
      aws-sigv4 (~> 1.5)
    aws-sdk-workspacesthinclient (1.24.0)
      aws-sdk-core (~> 3, >= 3.216.0)
      aws-sigv4 (~> 1.5)
    aws-sdk-workspacesweb (1.40.0)
      aws-sdk-core (~> 3, >= 3.216.0)
      aws-sigv4 (~> 1.5)
    aws-sdk-xray (1.81.0)
      aws-sdk-core (~> 3, >= 3.216.0)
      aws-sigv4 (~> 1.5)
    aws-sigv2 (1.2.0)
    aws-sigv4 (1.11.0)
      aws-eventstream (~> 1, >= 1.0.2)
    base64 (0.2.0)
    benchmark (0.4.0)
    bigdecimal (3.1.9)
    bootsnap (1.18.4)
      msgpack (~> 1.2)
    brakeman (7.0.2)
      racc
    builder (3.3.0)
    concurrent-ruby (1.3.5)
    connection_pool (2.5.0)
    crass (1.0.6)
    date (3.4.1)
    debug (1.10.0)
      irb (~> 1.10)
      reline (>= 0.3.8)
    drb (2.2.1)
    erubi (1.13.1)
    faraday (2.12.2)
      faraday-net_http (>= 2.0, < 3.5)
      json
      logger
    faraday-net_http (3.4.0)
      net-http (>= 0.5.0)
    globalid (1.2.1)
      activesupport (>= 6.1)
    google-protobuf (4.30.0)
      bigdecimal
      rake (>= 13)
    google-protobuf (4.30.0-aarch64-linux)
      bigdecimal
      rake (>= 13)
    google-protobuf (4.30.0-arm64-darwin)
      bigdecimal
      rake (>= 13)
    google-protobuf (4.30.0-x86_64-darwin)
      bigdecimal
      rake (>= 13)
    google-protobuf (4.30.0-x86_64-linux)
      bigdecimal
      rake (>= 13)
    googleapis-common-protos-types (1.18.0)
      google-protobuf (>= 3.18, < 5.a)
    i18n (1.14.7)
      concurrent-ruby (~> 1.0)
    io-console (0.8.0)
    irb (1.15.1)
      pp (>= 0.6.0)
      rdoc (>= 4.0.0)
      reline (>= 0.4.2)
    jmespath (1.6.2)
    json (2.10.1)
    language_server-protocol (3.17.0.4)
    lint_roller (1.1.0)
    logger (1.6.6)
    loofah (2.24.0)
      crass (~> 1.0.2)
      nokogiri (>= 1.12.0)
    mail (2.8.1)
      mini_mime (>= 0.1.1)
      net-imap
      net-pop
      net-smtp
    marcel (1.0.4)
    mini_mime (1.1.5)
    minitest (5.25.4)
    msgpack (1.8.0)
    net-http (0.6.0)
      uri
    net-imap (0.5.6)
      date
      net-protocol
    net-pop (0.1.2)
      net-protocol
    net-protocol (0.2.2)
      timeout
    net-smtp (0.5.1)
      net-protocol
    nio4r (2.7.4)
    nokogiri (1.18.3-aarch64-linux-gnu)
      racc (~> 1.4)
    nokogiri (1.18.3-aarch64-linux-musl)
      racc (~> 1.4)
    nokogiri (1.18.3-arm-linux-gnu)
      racc (~> 1.4)
    nokogiri (1.18.3-arm-linux-musl)
      racc (~> 1.4)
    nokogiri (1.18.3-arm64-darwin)
      racc (~> 1.4)
    nokogiri (1.18.3-x86_64-darwin)
      racc (~> 1.4)
    nokogiri (1.18.3-x86_64-linux-gnu)
      racc (~> 1.4)
    nokogiri (1.18.3-x86_64-linux-musl)
      racc (~> 1.4)
    opentelemetry-api (1.5.0)
    opentelemetry-common (0.22.0)
      opentelemetry-api (~> 1.0)
    opentelemetry-exporter-otlp (0.30.0)
      google-protobuf (>= 3.18)
      googleapis-common-protos-types (~> 1.3)
      opentelemetry-api (~> 1.1)
      opentelemetry-common (~> 0.20)
      opentelemetry-sdk (~> 1.2)
      opentelemetry-semantic_conventions
    opentelemetry-helpers-mysql (0.2.0)
      opentelemetry-api (~> 1.0)
      opentelemetry-common (~> 0.21)
    opentelemetry-helpers-sql-obfuscation (0.3.0)
      opentelemetry-common (~> 0.21)
    opentelemetry-instrumentation-action_mailer (0.4.0)
      opentelemetry-api (~> 1.0)
      opentelemetry-instrumentation-active_support (~> 0.7)
      opentelemetry-instrumentation-base (~> 0.23.0)
    opentelemetry-instrumentation-action_pack (0.12.0)
      opentelemetry-api (~> 1.0)
      opentelemetry-instrumentation-base (~> 0.23.0)
      opentelemetry-instrumentation-rack (~> 0.21)
    opentelemetry-instrumentation-action_view (0.9.0)
      opentelemetry-api (~> 1.0)
      opentelemetry-instrumentation-active_support (~> 0.7)
      opentelemetry-instrumentation-base (~> 0.23.0)
    opentelemetry-instrumentation-active_job (0.8.0)
      opentelemetry-api (~> 1.0)
      opentelemetry-instrumentation-base (~> 0.23.0)
    opentelemetry-instrumentation-active_model_serializers (0.22.0)
      opentelemetry-api (~> 1.0)
      opentelemetry-instrumentation-active_support (>= 0.7.0)
      opentelemetry-instrumentation-base (~> 0.23.0)
    opentelemetry-instrumentation-active_record (0.9.0)
      opentelemetry-api (~> 1.0)
      opentelemetry-instrumentation-base (~> 0.23.0)
    opentelemetry-instrumentation-active_storage (0.1.1)
      opentelemetry-api (~> 1.0)
      opentelemetry-instrumentation-active_support (~> 0.7)
      opentelemetry-instrumentation-base (~> 0.23.0)
    opentelemetry-instrumentation-active_support (0.8.0)
      opentelemetry-api (~> 1.0)
      opentelemetry-instrumentation-base (~> 0.23.0)
    opentelemetry-instrumentation-all (0.74.0)
      opentelemetry-instrumentation-active_model_serializers (~> 0.22.0)
      opentelemetry-instrumentation-aws_lambda (~> 0.3.0)
      opentelemetry-instrumentation-aws_sdk (~> 0.8.0)
      opentelemetry-instrumentation-bunny (~> 0.22.0)
      opentelemetry-instrumentation-concurrent_ruby (~> 0.22.0)
      opentelemetry-instrumentation-dalli (~> 0.26.0)
      opentelemetry-instrumentation-delayed_job (~> 0.23.0)
      opentelemetry-instrumentation-ethon (~> 0.22.0)
      opentelemetry-instrumentation-excon (~> 0.23.0)
      opentelemetry-instrumentation-faraday (~> 0.26.0)
      opentelemetry-instrumentation-grape (~> 0.3.0)
      opentelemetry-instrumentation-graphql (~> 0.29.0)
      opentelemetry-instrumentation-gruf (~> 0.3.0)
      opentelemetry-instrumentation-http (~> 0.24.0)
      opentelemetry-instrumentation-http_client (~> 0.23.0)
      opentelemetry-instrumentation-koala (~> 0.21.0)
      opentelemetry-instrumentation-lmdb (~> 0.23.0)
      opentelemetry-instrumentation-mongo (~> 0.23.0)
      opentelemetry-instrumentation-mysql2 (~> 0.29.0)
      opentelemetry-instrumentation-net_http (~> 0.23.0)
      opentelemetry-instrumentation-pg (~> 0.30.0)
      opentelemetry-instrumentation-que (~> 0.9.0)
      opentelemetry-instrumentation-racecar (~> 0.4.0)
      opentelemetry-instrumentation-rack (~> 0.26.0)
      opentelemetry-instrumentation-rails (~> 0.36.0)
      opentelemetry-instrumentation-rake (~> 0.3.0)
      opentelemetry-instrumentation-rdkafka (~> 0.6.0)
      opentelemetry-instrumentation-redis (~> 0.26.1)
      opentelemetry-instrumentation-resque (~> 0.6.0)
      opentelemetry-instrumentation-restclient (~> 0.23.0)
      opentelemetry-instrumentation-ruby_kafka (~> 0.22.0)
      opentelemetry-instrumentation-sidekiq (~> 0.26.0)
      opentelemetry-instrumentation-sinatra (~> 0.25.0)
      opentelemetry-instrumentation-trilogy (~> 0.61.0)
    opentelemetry-instrumentation-aws_lambda (0.3.0)
      opentelemetry-api (~> 1.0)
      opentelemetry-instrumentation-base (~> 0.23.0)
    opentelemetry-instrumentation-aws_sdk (0.8.0)
      opentelemetry-api (~> 1.0)
      opentelemetry-instrumentation-base (~> 0.23.0)
    opentelemetry-instrumentation-base (0.23.0)
      opentelemetry-api (~> 1.0)
      opentelemetry-common (~> 0.21)
      opentelemetry-registry (~> 0.1)
    opentelemetry-instrumentation-bunny (0.22.0)
      opentelemetry-api (~> 1.0)
      opentelemetry-instrumentation-base (~> 0.23.0)
    opentelemetry-instrumentation-concurrent_ruby (0.22.0)
      opentelemetry-api (~> 1.0)
      opentelemetry-instrumentation-base (~> 0.23.0)
    opentelemetry-instrumentation-dalli (0.26.0)
      opentelemetry-api (~> 1.0)
      opentelemetry-instrumentation-base (~> 0.23.0)
    opentelemetry-instrumentation-delayed_job (0.23.0)
      opentelemetry-api (~> 1.0)
      opentelemetry-instrumentation-base (~> 0.23.0)
    opentelemetry-instrumentation-ethon (0.22.0)
      opentelemetry-api (~> 1.0)
      opentelemetry-instrumentation-base (~> 0.23.0)
    opentelemetry-instrumentation-excon (0.23.0)
      opentelemetry-api (~> 1.0)
      opentelemetry-instrumentation-base (~> 0.23.0)
    opentelemetry-instrumentation-faraday (0.26.0)
      opentelemetry-api (~> 1.0)
      opentelemetry-instrumentation-base (~> 0.23.0)
    opentelemetry-instrumentation-grape (0.3.0)
      opentelemetry-api (~> 1.0)
      opentelemetry-instrumentation-base (~> 0.23.0)
      opentelemetry-instrumentation-rack (~> 0.21)
    opentelemetry-instrumentation-graphql (0.29.0)
      opentelemetry-api (~> 1.0)
      opentelemetry-instrumentation-base (~> 0.23.0)
    opentelemetry-instrumentation-gruf (0.3.0)
      opentelemetry-api (>= 1.0.0)
      opentelemetry-instrumentation-base (~> 0.23.0)
    opentelemetry-instrumentation-http (0.24.0)
      opentelemetry-api (~> 1.0)
      opentelemetry-instrumentation-base (~> 0.23.0)
    opentelemetry-instrumentation-http_client (0.23.0)
      opentelemetry-api (~> 1.0)
      opentelemetry-instrumentation-base (~> 0.23.0)
    opentelemetry-instrumentation-koala (0.21.0)
      opentelemetry-api (~> 1.0)
      opentelemetry-instrumentation-base (~> 0.23.0)
    opentelemetry-instrumentation-lmdb (0.23.0)
      opentelemetry-api (~> 1.0)
      opentelemetry-instrumentation-base (~> 0.23.0)
    opentelemetry-instrumentation-mongo (0.23.0)
      opentelemetry-api (~> 1.0)
      opentelemetry-instrumentation-base (~> 0.23.0)
    opentelemetry-instrumentation-mysql2 (0.29.0)
      opentelemetry-api (~> 1.0)
      opentelemetry-helpers-mysql
      opentelemetry-helpers-sql-obfuscation
      opentelemetry-instrumentation-base (~> 0.23.0)
    opentelemetry-instrumentation-net_http (0.23.0)
      opentelemetry-api (~> 1.0)
      opentelemetry-instrumentation-base (~> 0.23.0)
    opentelemetry-instrumentation-pg (0.30.0)
      opentelemetry-api (~> 1.0)
      opentelemetry-helpers-sql-obfuscation
      opentelemetry-instrumentation-base (~> 0.23.0)
    opentelemetry-instrumentation-que (0.9.0)
      opentelemetry-api (~> 1.0)
      opentelemetry-instrumentation-base (~> 0.23.0)
    opentelemetry-instrumentation-racecar (0.4.0)
      opentelemetry-api (~> 1.0)
      opentelemetry-instrumentation-base (~> 0.23.0)
    opentelemetry-instrumentation-rack (0.26.0)
      opentelemetry-api (~> 1.0)
      opentelemetry-instrumentation-base (~> 0.23.0)
    opentelemetry-instrumentation-rails (0.36.0)
      opentelemetry-api (~> 1.0)
      opentelemetry-instrumentation-action_mailer (~> 0.4.0)
      opentelemetry-instrumentation-action_pack (~> 0.12.0)
      opentelemetry-instrumentation-action_view (~> 0.9.0)
      opentelemetry-instrumentation-active_job (~> 0.8.0)
      opentelemetry-instrumentation-active_record (~> 0.9.0)
      opentelemetry-instrumentation-active_storage (~> 0.1.0)
      opentelemetry-instrumentation-active_support (~> 0.8.0)
      opentelemetry-instrumentation-base (~> 0.23.0)
      opentelemetry-instrumentation-concurrent_ruby (~> 0.22.0)
    opentelemetry-instrumentation-rake (0.3.0)
      opentelemetry-api (~> 1.0)
      opentelemetry-instrumentation-base (~> 0.23.0)
    opentelemetry-instrumentation-rdkafka (0.6.0)
      opentelemetry-api (~> 1.0)
      opentelemetry-instrumentation-base (~> 0.23.0)
    opentelemetry-instrumentation-redis (0.26.1)
      opentelemetry-api (~> 1.0)
      opentelemetry-instrumentation-base (~> 0.23.0)
    opentelemetry-instrumentation-resque (0.6.0)
      opentelemetry-api (~> 1.0)
      opentelemetry-instrumentation-base (~> 0.23.0)
    opentelemetry-instrumentation-restclient (0.23.0)
      opentelemetry-api (~> 1.0)
      opentelemetry-instrumentation-base (~> 0.23.0)
    opentelemetry-instrumentation-ruby_kafka (0.22.0)
      opentelemetry-api (~> 1.0)
      opentelemetry-instrumentation-base (~> 0.23.0)
    opentelemetry-instrumentation-sidekiq (0.26.0)
      opentelemetry-api (~> 1.0)
      opentelemetry-instrumentation-base (~> 0.23.0)
    opentelemetry-instrumentation-sinatra (0.25.0)
      opentelemetry-api (~> 1.0)
      opentelemetry-instrumentation-base (~> 0.23.0)
      opentelemetry-instrumentation-rack (~> 0.21)
    opentelemetry-instrumentation-trilogy (0.61.0)
      opentelemetry-api (~> 1.0)
      opentelemetry-helpers-mysql
      opentelemetry-helpers-sql-obfuscation
      opentelemetry-instrumentation-base (~> 0.23.0)
      opentelemetry-semantic_conventions (>= 1.8.0)
    opentelemetry-registry (0.4.0)
      opentelemetry-api (~> 1.1)
    opentelemetry-sdk (1.8.0)
      opentelemetry-api (~> 1.1)
      opentelemetry-common (~> 0.20)
      opentelemetry-registry (~> 0.2)
      opentelemetry-semantic_conventions
    opentelemetry-semantic_conventions (1.11.0)
      opentelemetry-api (~> 1.0)
    parallel (1.26.3)
    parser (3.3.7.1)
      ast (~> 2.4.1)
      racc
    pg (1.5.9)
    pp (0.6.2)
      prettyprint
    prettyprint (0.2.0)
    psych (5.2.3)
      date
      stringio
    puma (6.6.0)
      nio4r (~> 2.0)
    racc (1.8.1)
    rack (3.1.12)
    rack-session (2.1.0)
      base64 (>= 0.1.0)
      rack (>= 3.0.0)
    rack-test (2.2.0)
      rack (>= 1.3)
    rackup (2.2.1)
      rack (>= 3)
    rails (7.2.2.1)
      actioncable (= 7.2.2.1)
      actionmailbox (= 7.2.2.1)
      actionmailer (= 7.2.2.1)
      actionpack (= 7.2.2.1)
      actiontext (= 7.2.2.1)
      actionview (= 7.2.2.1)
      activejob (= 7.2.2.1)
      activemodel (= 7.2.2.1)
      activerecord (= 7.2.2.1)
      activestorage (= 7.2.2.1)
      activesupport (= 7.2.2.1)
      bundler (>= 1.15.0)
      railties (= 7.2.2.1)
    rails-dom-testing (2.2.0)
      activesupport (>= 5.0.0)
      minitest
      nokogiri (>= 1.6)
    rails-html-sanitizer (1.6.2)
      loofah (~> 2.21)
      nokogiri (>= 1.15.7, != 1.16.7, != 1.16.6, != 1.16.5, != 1.16.4, != 1.16.3, != 1.16.2, != 1.16.1, != 1.16.0.rc1, != 1.16.0)
    railties (7.2.2.1)
      actionpack (= 7.2.2.1)
      activesupport (= 7.2.2.1)
      irb (~> 1.13)
      rackup (>= 1.0.0)
      rake (>= 12.2)
      thor (~> 1.0, >= 1.2.2)
      zeitwerk (~> 2.6)
    rainbow (3.1.1)
    rake (13.2.1)
    rdoc (6.12.0)
      psych (>= 4.0.0)
    regexp_parser (2.10.0)
    reline (0.6.0)
      io-console (~> 0.5)
    rubocop (1.73.2)
      json (~> 2.3)
      language_server-protocol (~> 3.17.0.2)
      lint_roller (~> 1.1.0)
      parallel (~> 1.10)
      parser (>= 3.3.0.2)
      rainbow (>= 2.2.2, < 4.0)
      regexp_parser (>= 2.9.3, < 3.0)
      rubocop-ast (>= 1.38.0, < 2.0)
      ruby-progressbar (~> 1.7)
      unicode-display_width (>= 2.4.0, < 4.0)
    rubocop-ast (1.38.1)
      parser (>= 3.3.1.0)
    rubocop-performance (1.24.0)
      lint_roller (~> 1.1)
      rubocop (>= 1.72.1, < 2.0)
      rubocop-ast (>= 1.38.0, < 2.0)
    rubocop-rails (2.30.3)
      activesupport (>= 4.2.0)
      lint_roller (~> 1.1)
      rack (>= 1.1)
      rubocop (>= 1.72.1, < 2.0)
      rubocop-ast (>= 1.38.0, < 2.0)
    rubocop-rails-omakase (1.1.0)
      rubocop (>= 1.72)
      rubocop-performance (>= 1.24)
      rubocop-rails (>= 2.30)
    ruby-progressbar (1.13.0)
    securerandom (0.4.1)
    sqlite3 (2.6.0-aarch64-linux-gnu)
    sqlite3 (2.6.0-aarch64-linux-musl)
    sqlite3 (2.6.0-arm-linux-gnu)
    sqlite3 (2.6.0-arm-linux-musl)
    sqlite3 (2.6.0-arm64-darwin)
    sqlite3 (2.6.0-x86_64-darwin)
    sqlite3 (2.6.0-x86_64-linux-gnu)
    sqlite3 (2.6.0-x86_64-linux-musl)
    stringio (3.1.5)
    thor (1.3.2)
    timeout (0.4.3)
    tzinfo (2.0.6)
      concurrent-ruby (~> 1.0)
    unicode-display_width (3.1.4)
      unicode-emoji (~> 4.0, >= 4.0.4)
    unicode-emoji (4.0.4)
    uri (1.0.3)
    useragent (0.16.11)
    webrick (1.9.1)
    websocket-driver (0.7.7)
      base64
      websocket-extensions (>= 0.1.0)
    websocket-extensions (0.1.5)
    zeitwerk (2.7.2)

PLATFORMS
  aarch64-linux-gnu
  aarch64-linux-musl
  arm-linux-gnu
  arm-linux-musl
  arm64-darwin
  x86_64-darwin
  x86_64-linux
  x86_64-linux-gnu
  x86_64-linux-musl

DEPENDENCIES
  aws-sdk (~> 3.0)
  bootsnap
  brakeman
  debug
  faraday (~> 2.12)
  opentelemetry-exporter-otlp (~> 0.30.0)
  opentelemetry-instrumentation-active_record (~> 0.9.0)
  opentelemetry-instrumentation-all (~> 0.74.0)
  opentelemetry-instrumentation-aws_sdk (~> 0.8.0)
  opentelemetry-instrumentation-faraday (~> 0.26.0)
  opentelemetry-instrumentation-rails (~> 0.36.0)
  opentelemetry-sdk (~> 1.8)
  pg (~> 1.5)
  puma (>= 5.0)
  rails (~> 7.2.2, >= 7.2.2.1)
  rubocop-rails-omakase
  sqlite3 (>= 1.4)
  tzinfo-data
  webrick (~> 1.9)

BUNDLED WITH
   2.6.5
